RESTRICTION: >= net45
NUGET
  remote: https://api.nuget.org/v3/index.json
    FParsec (1.0.2)
    FParsec-Pipes (0.4)
      FParsec (>= 1.0.2)
    FSharp.Core (4.2.1)
      System.Collections (>= 4.0.11) - restriction: && (>= net45) (>= netstandard1.6)
      System.Console (>= 4.0) - restriction: && (>= net45) (>= netstandard1.6)
      System.Diagnostics.Debug (>= 4.0.11) - restriction: && (>= net45) (>= netstandard1.6)
      System.Diagnostics.Tools (>= 4.0.1) - restriction: && (>= net45) (>= netstandard1.6)
      System.Globalization (>= 4.0.11) - restriction: && (>= net45) (>= netstandard1.6)
      System.IO (>= 4.1) - restriction: && (>= net45) (>= netstandard1.6)
      System.Linq (>= 4.1) - restriction: && (>= net45) (>= netstandard1.6)
      System.Linq.Expressions (>= 4.1) - restriction: && (>= net45) (>= netstandard1.6)
      System.Linq.Queryable (>= 4.0.1) - restriction: && (>= net45) (>= netstandard1.6)
      System.Net.Requests (>= 4.0.11) - restriction: && (>= net45) (>= netstandard1.6)
      System.Reflection (>= 4.1) - restriction: && (>= net45) (>= netstandard1.6)
      System.Reflection.Extensions (>= 4.0.1) - restriction: && (>= net45) (>= netstandard1.6)
      System.Resources.ResourceManager (>= 4.0.1) - restriction: && (>= net45) (>= netstandard1.6)
      System.Runtime (>= 4.1) - restriction: && (>= net45) (>= netstandard1.6)
      System.Runtime.Extensions (>= 4.1) - restriction: && (>= net45) (>= netstandard1.6)
      System.Runtime.Numerics (>= 4.0.1) - restriction: && (>= net45) (>= netstandard1.6)
      System.Text.RegularExpressions (>= 4.1) - restriction: && (>= net45) (>= netstandard1.6)
      System.Threading (>= 4.0.11) - restriction: && (>= net45) (>= netstandard1.6)
      System.Threading.Tasks (>= 4.0.11) - restriction: && (>= net45) (>= netstandard1.6)
      System.Threading.Tasks.Parallel (>= 4.0.1) - restriction: && (>= net45) (>= netstandard1.6)
      System.Threading.Thread (>= 4.0) - restriction: && (>= net45) (>= netstandard1.6)
      System.Threading.ThreadPool (>= 4.0.10) - restriction: && (>= net45) (>= netstandard1.6)
      System.Threading.Timer (>= 4.0.1) - restriction: && (>= net45) (>= netstandard1.6)
    FsPickler (3.2)
    FsUnit (3.0)
      FSharp.Core (>= 3.1.2.5) - restriction: && (>= net45) (< netstandard1.6)
      FSharp.Core (>= 4.1) - restriction: && (>= net45) (>= netstandard1.6)
      NETStandard.Library (>= 1.6) - restriction: && (>= net45) (>= netstandard1.6)
      NUnit (>= 3.6)
    LicenseToCIL (0.3)
    Microsoft.NETCore.Platforms (2.2) - restriction: || (&& (>= net45) (>= netcoreapp2.0)) (&& (>= net45) (< netstandard1.0) (>= netstandard1.6)) (&& (>= net45) (< netstandard1.3) (>= netstandard1.6)) (&& (>= net45) (>= netstandard1.6) (< portable-net45+win8+wpa81)) (&& (>= net45) (>= netstandard1.6) (>= uap10.0)) (&& (>= net45) (>= netstandard1.6) (>= wp8)) (&& (>= net46) (< netstandard1.4) (>= netstandard1.6)) (&& (>= net461) (>= netstandard1.6))
    NETStandard.Library (2.0.3) - restriction: && (>= net45) (>= netstandard1.6)
      Microsoft.NETCore.Platforms (>= 1.1)
    Npgsql (3.2.5)
      System.Threading.Tasks.Extensions (>= 4.3)
    NUnit (3.6)
      NETStandard.Library (>= 1.6) - restriction: && (>= net45) (>= netstandard1.6)
      System.Runtime.Loader (>= 4.0) - restriction: && (>= net45) (>= netstandard1.6)
    Rezoom (0.4.2)
    System.Collections (4.3) - restriction: && (>= net45) (>= netstandard1.6)
    System.Console (4.3.1) - restriction: && (>= net45) (>= netstandard1.6)
    System.Data.SQLite.Core (1.0.104)
    System.Diagnostics.Debug (4.3) - restriction: && (>= net45) (>= netstandard1.6)
    System.Diagnostics.Tools (4.3) - restriction: && (>= net45) (>= netstandard1.6)
    System.Globalization (4.3) - restriction: && (>= net45) (>= netstandard1.6)
    System.IO (4.3) - restriction: && (>= net45) (>= netstandard1.6)
    System.Linq (4.3) - restriction: && (>= net45) (>= netstandard1.6)
    System.Linq.Expressions (4.3) - restriction: && (>= net45) (>= netstandard1.6)
    System.Linq.Queryable (4.3) - restriction: && (>= net45) (>= netstandard1.6)
    System.Net.Requests (4.3) - restriction: && (>= net45) (>= netstandard1.6)
    System.Reflection (4.3) - restriction: && (>= net45) (>= netstandard1.6)
    System.Reflection.Extensions (4.3) - restriction: && (>= net45) (>= netstandard1.6)
    System.Resources.ResourceManager (4.3) - restriction: && (>= net45) (>= netstandard1.6)
    System.Runtime (4.3.1) - restriction: && (>= net45) (>= netstandard1.6)
    System.Runtime.Extensions (4.3.1) - restriction: && (>= net45) (>= netstandard1.6)
    System.Runtime.Loader (4.3) - restriction: && (>= net45) (>= netstandard1.6)
    System.Runtime.Numerics (4.3) - restriction: && (>= net45) (>= netstandard1.6)
    System.Text.RegularExpressions (4.3) - restriction: && (>= net45) (>= netstandard1.6)
    System.Threading (4.3) - restriction: && (>= net45) (>= netstandard1.6)
    System.Threading.Tasks (4.3) - restriction: && (>= net45) (>= netstandard1.6)
    System.Threading.Tasks.Extensions (4.3)
    System.Threading.Tasks.Parallel (4.3) - restriction: && (>= net45) (>= netstandard1.6)
    System.Threading.Thread (4.3) - restriction: && (>= net45) (>= netstandard1.6)
    System.Threading.ThreadPool (4.3) - restriction: && (>= net45) (>= netstandard1.6)
    System.Threading.Timer (4.3) - restriction: && (>= net45) (>= netstandard1.6)
    System.ValueTuple (4.3.1)
