REDIRECTS: FORCE
STORAGE: NONE
STRATEGY: MIN
RESTRICTION: || (>= net45) (>= netstandard2.0)
NUGET
  remote: https://api.nuget.org/v3/index.json
    FParsec (1.0.2)
    FParsec-Pipes (0.4)
      FParsec (>= 1.0.2)
    FSharp.Core (4.2.1)
      System.Collections (>= 4.0.11) - restriction: || (&& (>= net45) (>= netstandard1.6)) (>= netstandard2.0)
      System.Console (>= 4.0) - restriction: || (&& (>= net45) (>= netstandard1.6)) (>= netstandard2.0)
      System.Diagnostics.Debug (>= 4.0.11) - restriction: || (&& (>= net45) (>= netstandard1.6)) (>= netstandard2.0)
      System.Diagnostics.Tools (>= 4.0.1) - restriction: || (&& (>= net45) (>= netstandard1.6)) (>= netstandard2.0)
      System.Globalization (>= 4.0.11) - restriction: || (&& (>= net45) (>= netstandard1.6)) (>= netstandard2.0)
      System.IO (>= 4.1) - restriction: || (&& (>= net45) (>= netstandard1.6)) (>= netstandard2.0)
      System.Linq (>= 4.1) - restriction: || (&& (>= net45) (>= netstandard1.6)) (>= netstandard2.0)
      System.Linq.Expressions (>= 4.1) - restriction: || (&& (>= net45) (>= netstandard1.6)) (>= netstandard2.0)
      System.Linq.Queryable (>= 4.0.1) - restriction: || (&& (>= net45) (>= netstandard1.6)) (>= netstandard2.0)
      System.Net.Requests (>= 4.0.11) - restriction: || (&& (>= net45) (>= netstandard1.6)) (>= netstandard2.0)
      System.Reflection (>= 4.1) - restriction: || (&& (>= net45) (>= netstandard1.6)) (>= netstandard2.0)
      System.Reflection.Extensions (>= 4.0.1) - restriction: || (&& (>= net45) (>= netstandard1.6)) (>= netstandard2.0)
      System.Resources.ResourceManager (>= 4.0.1) - restriction: || (&& (>= net45) (>= netstandard1.6)) (>= netstandard2.0)
      System.Runtime (>= 4.1) - restriction: || (&& (>= net45) (>= netstandard1.6)) (>= netstandard2.0)
      System.Runtime.Extensions (>= 4.1) - restriction: || (&& (>= net45) (>= netstandard1.6)) (>= netstandard2.0)
      System.Runtime.Numerics (>= 4.0.1) - restriction: || (&& (>= net45) (>= netstandard1.6)) (>= netstandard2.0)
      System.Text.RegularExpressions (>= 4.1) - restriction: || (&& (>= net45) (>= netstandard1.6)) (>= netstandard2.0)
      System.Threading (>= 4.0.11) - restriction: || (&& (>= net45) (>= netstandard1.6)) (>= netstandard2.0)
      System.Threading.Tasks (>= 4.0.11) - restriction: || (&& (>= net45) (>= netstandard1.6)) (>= netstandard2.0)
      System.Threading.Tasks.Parallel (>= 4.0.1) - restriction: || (&& (>= net45) (>= netstandard1.6)) (>= netstandard2.0)
      System.Threading.Thread (>= 4.0) - restriction: || (&& (>= net45) (>= netstandard1.6)) (>= netstandard2.0)
      System.Threading.ThreadPool (>= 4.0.10) - restriction: || (&& (>= net45) (>= netstandard1.6)) (>= netstandard2.0)
      System.Threading.Timer (>= 4.0.1) - restriction: || (&& (>= net45) (>= netstandard1.6)) (>= netstandard2.0)
    FsPickler (3.2)
    FsUnit (3.0)
      FSharp.Core (>= 3.1.2.5) - restriction: || (&& (>= net45) (< netstandard1.6)) (&& (< netstandard1.6) (>= netstandard2.0))
      FSharp.Core (>= 4.1) - restriction: || (&& (>= net45) (>= netstandard1.6)) (>= netstandard2.0)
      NETStandard.Library (>= 1.6) - restriction: || (&& (>= net45) (>= netstandard1.6)) (>= netstandard2.0)
      NUnit (>= 3.6)
    LicenseToCIL (0.3)
    Microsoft.NETCore.Platforms (2.0) - restriction: || (&& (>= dnxcore50) (>= net45)) (&& (>= dnxcore50) (>= net46) (>= netstandard1.6)) (&& (>= dnxcore50) (>= netstandard2.0)) (&& (< monoandroid) (< net46) (>= netstandard2.0) (< xamarinios)) (&& (>= net45) (< net46) (>= netstandard1.6)) (&& (>= net45) (< net46) (>= netstandard2.0)) (&& (>= net45) (< netstandard1.0) (>= netstandard1.6)) (&& (>= net45) (< netstandard1.0) (>= netstandard2.0)) (&& (>= net45) (< netstandard1.3) (>= netstandard1.6)) (&& (>= net45) (< netstandard1.3) (>= netstandard2.0)) (&& (>= net45) (>= netstandard1.6) (< portable-net45+win8+wpa81)) (&& (>= net45) (>= netstandard1.6) (>= uap10.0)) (&& (>= net45) (>= netstandard1.6) (>= wp8)) (&& (< net45) (< netstandard1.2) (>= netstandard2.0) (< win8)) (&& (< net45) (>= netstandard2.0) (< win8) (< wpa81)) (&& (>= net46) (< netstandard1.4) (>= netstandard1.6)) (&& (>= net46) (< netstandard1.4) (>= netstandard2.0)) (&& (>= net461) (>= netstandard1.6)) (&& (>= net461) (>= netstandard2.0)) (>= netcoreapp2.0) (&& (< netstandard1.0) (>= netstandard2.0) (< portable-net45+win8)) (&& (< netstandard1.0) (>= netstandard2.0) (>= win8)) (&& (< netstandard1.0) (>= netstandard2.0) (< win8)) (&& (< netstandard1.3) (>= netstandard2.0) (< win8) (>= wpa81)) (&& (>= netstandard2.0) (< portable-net45+win8+wpa81)) (&& (>= netstandard2.0) (>= uap10.0)) (&& (>= netstandard2.0) (>= wp8))
    Microsoft.NETCore.Targets (1.1.2) - restriction: || (&& (>= dnxcore50) (>= net45)) (&& (>= dnxcore50) (>= netstandard2.0)) (&& (< monoandroid) (< net45) (< netstandard1.2) (>= netstandard2.0) (< win8)) (&& (< monoandroid) (< net45) (< netstandard1.3) (>= netstandard2.0) (< win8) (< wpa81)) (&& (< monoandroid) (< net45) (< netstandard1.4) (>= netstandard2.0) (< win8) (< wpa81)) (&& (< monoandroid) (< net45) (< netstandard1.5) (>= netstandard2.0) (< win8) (< wpa81)) (&& (< monoandroid) (< net45) (< netstandard1.6) (>= netstandard2.0) (< win8) (< wpa81)) (&& (< monoandroid) (< net45) (>= netstandard2.0) (< win8) (< wpa81) (< xamarinios)) (&& (< monoandroid) (< net46) (>= netstandard2.0) (< xamarinios)) (&& (>= net45) (< net46) (>= netstandard1.6)) (&& (>= net45) (< net46) (>= netstandard2.0)) (&& (>= net45) (>= netstandard1.6) (>= uap10.0)) (&& (>= netstandard2.0) (>= uap10.0))
    Microsoft.Win32.Primitives (4.3) - restriction: || (&& (>= net45) (>= netstandard1.6) (>= uap10.0)) (&& (< net45) (< netstandard1.4) (>= netstandard2.0) (< win8) (< wpa81)) (&& (< net45) (< netstandard1.5) (>= netstandard2.0) (< win8) (< wpa81)) (&& (< net45) (< netstandard1.6) (>= netstandard2.0) (< win8) (< wpa81)) (&& (>= net46) (< netstandard1.4) (>= netstandard1.6)) (&& (>= net46) (< netstandard1.4) (>= netstandard2.0)) (&& (>= netstandard2.0) (>= uap10.0))
      Microsoft.NETCore.Platforms (>= 1.1) - restriction: || (&& (< monoandroid) (< net46) (>= netstandard2.0) (< xamarinios)) (&& (>= net45) (< net46) (>= netstandard1.3))
      Microsoft.NETCore.Targets (>= 1.1) - restriction: || (&& (< monoandroid) (< net46) (>= netstandard2.0) (< xamarinios)) (&& (>= net45) (< net46) (>= netstandard1.3))
      System.Runtime (>= 4.3) - restriction: || (&& (< monoandroid) (< net46) (>= netstandard2.0) (< xamarinios)) (&& (>= net45) (< net46) (>= netstandard1.3))
    NETStandard.Library (2.0.3) - restriction: || (&& (>= net45) (>= netstandard1.6)) (>= netstandard2.0)
      Microsoft.NETCore.Platforms (>= 1.1)
      Microsoft.Win32.Primitives (>= 4.3) - restriction: || (&& (>= net45) (>= uap10.0)) (&& (< net45) (< netstandard1.4) (>= netstandard2.0) (< win8) (< wpa81)) (&& (< net45) (< netstandard1.5) (>= netstandard2.0) (< win8) (< wpa81)) (&& (< net45) (< netstandard1.6) (>= netstandard2.0) (< win8) (< wpa81)) (&& (>= net46) (< netstandard1.4)) (&& (>= netstandard2.0) (>= uap10.0))
      System.AppContext (>= 4.3) - restriction: || (&& (>= net45) (>= uap10.0)) (&& (< net45) (< netstandard1.4) (>= netstandard2.0) (< win8) (< wpa81)) (&& (< net45) (< netstandard1.5) (>= netstandard2.0) (< win8) (< wpa81)) (&& (< net45) (< netstandard1.6) (>= netstandard2.0) (< win8) (< wpa81)) (&& (>= net46) (< netstandard1.4)) (&& (>= netstandard2.0) (>= uap10.0))
      System.Collections (>= 4.3) - restriction: || (&& (>= net45) (< portable-net45+win8+wpa81)) (&& (>= net45) (>= uap10.0)) (&& (< net45) (< netstandard1.2) (>= netstandard2.0) (< win8)) (&& (< net45) (< netstandard1.3) (>= netstandard2.0) (< win8) (< wpa81)) (&& (< net45) (< netstandard1.4) (>= netstandard2.0) (< win8) (< wpa81)) (&& (< net45) (< netstandard1.5) (>= netstandard2.0) (< win8) (< wpa81)) (&& (< net45) (< netstandard1.6) (>= netstandard2.0) (< win8) (< wpa81)) (&& (>= netstandard2.0) (< portable-net45+win8+wpa81)) (&& (>= netstandard2.0) (>= uap10.0))
      System.Collections.Concurrent (>= 4.3) - restriction: || (&& (>= net45) (>= uap10.0)) (&& (< net45) (< netstandard1.2) (>= netstandard2.0) (< win8)) (&& (< net45) (< netstandard1.3) (>= netstandard2.0) (< win8) (< wpa81)) (&& (< net45) (< netstandard1.4) (>= netstandard2.0) (< win8) (< wpa81)) (&& (< net45) (< netstandard1.5) (>= netstandard2.0) (< win8) (< wpa81)) (&& (< net45) (< netstandard1.6) (>= netstandard2.0) (< win8) (< wpa81)) (&& (>= netstandard2.0) (>= uap10.0))
      System.Console (>= 4.3) - restriction: || (&& (>= net45) (>= uap10.0)) (&& (< net45) (< netstandard1.4) (>= netstandard2.0) (< win8) (< wpa81)) (&& (< net45) (< netstandard1.5) (>= netstandard2.0) (< win8) (< wpa81)) (&& (< net45) (< netstandard1.6) (>= netstandard2.0) (< win8) (< wpa81)) (&& (>= net46) (< netstandard1.4)) (&& (>= netstandard2.0) (>= uap10.0))
      System.Diagnostics.Debug (>= 4.3) - restriction: || (&& (>= net45) (< portable-net45+win8+wpa81)) (&& (>= net45) (>= uap10.0)) (&& (< net45) (< netstandard1.2) (>= netstandard2.0) (< win8)) (&& (< net45) (< netstandard1.3) (>= netstandard2.0) (< win8) (< wpa81)) (&& (< net45) (< netstandard1.4) (>= netstandard2.0) (< win8) (< wpa81)) (&& (< net45) (< netstandard1.5) (>= netstandard2.0) (< win8) (< wpa81)) (&& (< net45) (< netstandard1.6) (>= netstandard2.0) (< win8) (< wpa81)) (&& (>= netstandard2.0) (< portable-net45+win8+wpa81)) (&& (>= netstandard2.0) (>= uap10.0))
      System.Diagnostics.Tools (>= 4.3) - restriction: || (&& (>= net45) (< portable-net45+win8+wpa81)) (&& (>= net45) (>= uap10.0)) (&& (< net45) (< netstandard1.2) (>= netstandard2.0) (< win8)) (&& (< net45) (< netstandard1.3) (>= netstandard2.0) (< win8) (< wpa81)) (&& (< net45) (< netstandard1.4) (>= netstandard2.0) (< win8) (< wpa81)) (&& (< net45) (< netstandard1.5) (>= netstandard2.0) (< win8) (< wpa81)) (&& (< net45) (< netstandard1.6) (>= netstandard2.0) (< win8) (< wpa81)) (&& (>= netstandard2.0) (< portable-net45+win8+wpa81)) (&& (>= netstandard2.0) (>= uap10.0))
      System.Diagnostics.Tracing (>= 4.3) - restriction: || (&& (>= net45) (>= uap10.0)) (&& (< net45) (< netstandard1.2) (>= netstandard2.0) (< win8)) (&& (< net45) (< netstandard1.3) (>= netstandard2.0) (< win8) (< wpa81)) (&& (< net45) (< netstandard1.4) (>= netstandard2.0) (< win8) (< wpa81)) (&& (< net45) (< netstandard1.5) (>= netstandard2.0) (< win8) (< wpa81)) (&& (< net45) (< netstandard1.6) (>= netstandard2.0) (< win8) (< wpa81)) (&& (>= netstandard2.0) (>= uap10.0))
      System.Globalization (>= 4.3) - restriction: || (&& (>= net45) (< portable-net45+win8+wpa81)) (&& (>= net45) (>= uap10.0)) (&& (< net45) (< netstandard1.2) (>= netstandard2.0) (< win8)) (&& (< net45) (< netstandard1.3) (>= netstandard2.0) (< win8) (< wpa81)) (&& (< net45) (< netstandard1.4) (>= netstandard2.0) (< win8) (< wpa81)) (&& (< net45) (< netstandard1.5) (>= netstandard2.0) (< win8) (< wpa81)) (&& (< net45) (< netstandard1.6) (>= netstandard2.0) (< win8) (< wpa81)) (&& (>= netstandard2.0) (< portable-net45+win8+wpa81)) (&& (>= netstandard2.0) (>= uap10.0))
      System.Globalization.Calendars (>= 4.3) - restriction: || (&& (>= net45) (>= uap10.0)) (&& (< net45) (< netstandard1.4) (>= netstandard2.0) (< win8) (< wpa81)) (&& (< net45) (< netstandard1.5) (>= netstandard2.0) (< win8) (< wpa81)) (&& (< net45) (< netstandard1.6) (>= netstandard2.0) (< win8) (< wpa81)) (&& (>= net46) (< netstandard1.4)) (&& (>= netstandard2.0) (>= uap10.0))
      System.IO (>= 4.3) - restriction: || (&& (>= net45) (< portable-net45+win8+wpa81)) (&& (>= net45) (>= uap10.0)) (&& (< net45) (< netstandard1.2) (>= netstandard2.0) (< win8)) (&& (< net45) (< netstandard1.3) (>= netstandard2.0) (< win8) (< wpa81)) (&& (< net45) (< netstandard1.4) (>= netstandard2.0) (< win8) (< wpa81)) (&& (< net45) (< netstandard1.5) (>= netstandard2.0) (< win8) (< wpa81)) (&& (< net45) (< netstandard1.6) (>= netstandard2.0) (< win8) (< wpa81)) (&& (>= netstandard2.0) (< portable-net45+win8+wpa81)) (&& (>= netstandard2.0) (>= uap10.0))
      System.IO.Compression (>= 4.3) - restriction: || (&& (>= net45) (>= uap10.0)) (&& (< net45) (< netstandard1.2) (>= netstandard2.0) (< win8)) (&& (< net45) (< netstandard1.3) (>= netstandard2.0) (< win8) (< wpa81)) (&& (< net45) (< netstandard1.4) (>= netstandard2.0) (< win8) (< wpa81)) (&& (< net45) (< netstandard1.5) (>= netstandard2.0) (< win8) (< wpa81)) (&& (< net45) (< netstandard1.6) (>= netstandard2.0) (< win8) (< wpa81)) (&& (>= net46) (< netstandard1.4)) (&& (>= netstandard2.0) (>= uap10.0))
      System.IO.Compression.ZipFile (>= 4.3) - restriction: || (&& (>= net45) (>= uap10.0)) (&& (< net45) (< netstandard1.4) (>= netstandard2.0) (< win8) (< wpa81)) (&& (< net45) (< netstandard1.5) (>= netstandard2.0) (< win8) (< wpa81)) (&& (< net45) (< netstandard1.6) (>= netstandard2.0) (< win8) (< wpa81)) (&& (>= net46) (< netstandard1.4)) (&& (>= netstandard2.0) (>= uap10.0))
      System.IO.FileSystem (>= 4.3) - restriction: || (&& (>= net45) (>= uap10.0)) (&& (< net45) (< netstandard1.4) (>= netstandard2.0) (< win8) (< wpa81)) (&& (< net45) (< netstandard1.5) (>= netstandard2.0) (< win8) (< wpa81)) (&& (< net45) (< netstandard1.6) (>= netstandard2.0) (< win8) (< wpa81)) (&& (>= net46) (< netstandard1.4)) (&& (>= netstandard2.0) (>= uap10.0))
      System.IO.FileSystem.Primitives (>= 4.3) - restriction: || (&& (>= net45) (>= uap10.0)) (&& (< net45) (< netstandard1.4) (>= netstandard2.0) (< win8) (< wpa81)) (&& (< net45) (< netstandard1.5) (>= netstandard2.0) (< win8) (< wpa81)) (&& (< net45) (< netstandard1.6) (>= netstandard2.0) (< win8) (< wpa81)) (&& (>= net46) (< netstandard1.4)) (&& (>= netstandard2.0) (>= uap10.0))
      System.Linq (>= 4.3) - restriction: || (&& (>= net45) (< portable-net45+win8+wpa81)) (&& (>= net45) (>= uap10.0)) (&& (< net45) (< netstandard1.2) (>= netstandard2.0) (< win8)) (&& (< net45) (< netstandard1.3) (>= netstandard2.0) (< win8) (< wpa81)) (&& (< net45) (< netstandard1.4) (>= netstandard2.0) (< win8) (< wpa81)) (&& (< net45) (< netstandard1.5) (>= netstandard2.0) (< win8) (< wpa81)) (&& (< net45) (< netstandard1.6) (>= netstandard2.0) (< win8) (< wpa81)) (&& (>= netstandard2.0) (< portable-net45+win8+wpa81)) (&& (>= netstandard2.0) (>= uap10.0))
      System.Linq.Expressions (>= 4.3) - restriction: || (&& (>= net45) (< portable-net45+win8+wpa81)) (&& (>= net45) (>= uap10.0)) (&& (< net45) (< netstandard1.2) (>= netstandard2.0) (< win8)) (&& (< net45) (< netstandard1.3) (>= netstandard2.0) (< win8) (< wpa81)) (&& (< net45) (< netstandard1.4) (>= netstandard2.0) (< win8) (< wpa81)) (&& (< net45) (< netstandard1.5) (>= netstandard2.0) (< win8) (< wpa81)) (&& (< net45) (< netstandard1.6) (>= netstandard2.0) (< win8) (< wpa81)) (&& (>= netstandard2.0) (< portable-net45+win8+wpa81)) (&& (>= netstandard2.0) (>= uap10.0))
      System.Net.Http (>= 4.3.2) - restriction: || (&& (>= net45) (>= uap10.0)) (&& (< net45) (< netstandard1.2) (>= netstandard2.0) (< win8)) (&& (< net45) (< netstandard1.3) (>= netstandard2.0) (< win8) (< wpa81)) (&& (< net45) (< netstandard1.4) (>= netstandard2.0) (< win8) (< wpa81)) (&& (< net45) (< netstandard1.5) (>= netstandard2.0) (< win8) (< wpa81)) (&& (< net45) (< netstandard1.6) (>= netstandard2.0) (< win8) (< wpa81)) (&& (>= net46) (< netstandard1.4)) (&& (>= netstandard2.0) (>= uap10.0))
      System.Net.Primitives (>= 4.3) - restriction: || (&& (>= net45) (< portable-net45+win8+wpa81)) (&& (>= net45) (>= uap10.0)) (&& (< net45) (< netstandard1.2) (>= netstandard2.0) (< win8)) (&& (< net45) (< netstandard1.3) (>= netstandard2.0) (< win8) (< wpa81)) (&& (< net45) (< netstandard1.4) (>= netstandard2.0) (< win8) (< wpa81)) (&& (< net45) (< netstandard1.5) (>= netstandard2.0) (< win8) (< wpa81)) (&& (< net45) (< netstandard1.6) (>= netstandard2.0) (< win8) (< wpa81)) (&& (>= netstandard2.0) (< portable-net45+win8+wpa81)) (&& (>= netstandard2.0) (>= uap10.0))
      System.Net.Sockets (>= 4.3) - restriction: || (&& (>= net45) (>= uap10.0)) (&& (< net45) (< netstandard1.4) (>= netstandard2.0) (< win8) (< wpa81)) (&& (< net45) (< netstandard1.5) (>= netstandard2.0) (< win8) (< wpa81)) (&& (< net45) (< netstandard1.6) (>= netstandard2.0) (< win8) (< wpa81)) (&& (>= net46) (< netstandard1.4)) (&& (>= netstandard2.0) (>= uap10.0))
      System.ObjectModel (>= 4.3) - restriction: || (&& (>= net45) (< portable-net45+win8+wpa81)) (&& (>= net45) (>= uap10.0)) (&& (< net45) (< netstandard1.2) (>= netstandard2.0) (< win8)) (&& (< net45) (< netstandard1.3) (>= netstandard2.0) (< win8) (< wpa81)) (&& (< net45) (< netstandard1.4) (>= netstandard2.0) (< win8) (< wpa81)) (&& (< net45) (< netstandard1.5) (>= netstandard2.0) (< win8) (< wpa81)) (&& (< net45) (< netstandard1.6) (>= netstandard2.0) (< win8) (< wpa81)) (&& (>= netstandard2.0) (< portable-net45+win8+wpa81)) (&& (>= netstandard2.0) (>= uap10.0))
      System.Reflection (>= 4.3) - restriction: || (&& (>= net45) (< portable-net45+win8+wpa81)) (&& (>= net45) (>= uap10.0)) (&& (< net45) (< netstandard1.2) (>= netstandard2.0) (< win8)) (&& (< net45) (< netstandard1.3) (>= netstandard2.0) (< win8) (< wpa81)) (&& (< net45) (< netstandard1.4) (>= netstandard2.0) (< win8) (< wpa81)) (&& (< net45) (< netstandard1.5) (>= netstandard2.0) (< win8) (< wpa81)) (&& (< net45) (< netstandard1.6) (>= netstandard2.0) (< win8) (< wpa81)) (&& (>= netstandard2.0) (< portable-net45+win8+wpa81)) (&& (>= netstandard2.0) (>= uap10.0))
      System.Reflection.Extensions (>= 4.3) - restriction: || (&& (>= net45) (< portable-net45+win8+wpa81)) (&& (>= net45) (>= uap10.0)) (&& (< net45) (< netstandard1.2) (>= netstandard2.0) (< win8)) (&& (< net45) (< netstandard1.3) (>= netstandard2.0) (< win8) (< wpa81)) (&& (< net45) (< netstandard1.4) (>= netstandard2.0) (< win8) (< wpa81)) (&& (< net45) (< netstandard1.5) (>= netstandard2.0) (< win8) (< wpa81)) (&& (< net45) (< netstandard1.6) (>= netstandard2.0) (< win8) (< wpa81)) (&& (>= netstandard2.0) (< portable-net45+win8+wpa81)) (&& (>= netstandard2.0) (>= uap10.0))
      System.Reflection.Primitives (>= 4.3) - restriction: || (&& (>= net45) (< portable-net45+win8+wpa81)) (&& (>= net45) (>= uap10.0)) (&& (< net45) (< netstandard1.2) (>= netstandard2.0) (< win8)) (&& (< net45) (< netstandard1.3) (>= netstandard2.0) (< win8) (< wpa81)) (&& (< net45) (< netstandard1.4) (>= netstandard2.0) (< win8) (< wpa81)) (&& (< net45) (< netstandard1.5) (>= netstandard2.0) (< win8) (< wpa81)) (&& (< net45) (< netstandard1.6) (>= netstandard2.0) (< win8) (< wpa81)) (&& (>= netstandard2.0) (< portable-net45+win8+wpa81)) (&& (>= netstandard2.0) (>= uap10.0))
      System.Resources.ResourceManager (>= 4.3) - restriction: || (&& (>= net45) (< portable-net45+win8+wpa81)) (&& (>= net45) (>= uap10.0)) (&& (< net45) (< netstandard1.2) (>= netstandard2.0) (< win8)) (&& (< net45) (< netstandard1.3) (>= netstandard2.0) (< win8) (< wpa81)) (&& (< net45) (< netstandard1.4) (>= netstandard2.0) (< win8) (< wpa81)) (&& (< net45) (< netstandard1.5) (>= netstandard2.0) (< win8) (< wpa81)) (&& (< net45) (< netstandard1.6) (>= netstandard2.0) (< win8) (< wpa81)) (&& (>= netstandard2.0) (< portable-net45+win8+wpa81)) (&& (>= netstandard2.0) (>= uap10.0))
      System.Runtime (>= 4.3) - restriction: || (&& (>= net45) (< portable-net45+win8+wpa81)) (&& (>= net45) (>= uap10.0)) (&& (< net45) (< netstandard1.2) (>= netstandard2.0) (< win8)) (&& (< net45) (< netstandard1.3) (>= netstandard2.0) (< win8) (< wpa81)) (&& (< net45) (< netstandard1.4) (>= netstandard2.0) (< win8) (< wpa81)) (&& (< net45) (< netstandard1.5) (>= netstandard2.0) (< win8) (< wpa81)) (&& (< net45) (< netstandard1.6) (>= netstandard2.0) (< win8) (< wpa81)) (&& (>= netstandard2.0) (< portable-net45+win8+wpa81)) (&& (>= netstandard2.0) (>= uap10.0))
      System.Runtime.Extensions (>= 4.3) - restriction: || (&& (>= net45) (< portable-net45+win8+wpa81)) (&& (>= net45) (>= uap10.0)) (&& (< net45) (< netstandard1.2) (>= netstandard2.0) (< win8)) (&& (< net45) (< netstandard1.3) (>= netstandard2.0) (< win8) (< wpa81)) (&& (< net45) (< netstandard1.4) (>= netstandard2.0) (< win8) (< wpa81)) (&& (< net45) (< netstandard1.5) (>= netstandard2.0) (< win8) (< wpa81)) (&& (< net45) (< netstandard1.6) (>= netstandard2.0) (< win8) (< wpa81)) (&& (>= netstandard2.0) (< portable-net45+win8+wpa81)) (&& (>= netstandard2.0) (>= uap10.0))
      System.Runtime.Handles (>= 4.3) - restriction: || (&& (>= net45) (>= uap10.0)) (&& (< net45) (< netstandard1.4) (>= netstandard2.0) (< win8) (< wpa81)) (&& (< net45) (< netstandard1.5) (>= netstandard2.0) (< win8) (< wpa81)) (&& (< net45) (< netstandard1.6) (>= netstandard2.0) (< win8) (< wpa81)) (&& (>= netstandard2.0) (>= uap10.0))
      System.Runtime.InteropServices (>= 4.3) - restriction: || (&& (>= net45) (>= uap10.0)) (&& (< net45) (< netstandard1.2) (>= netstandard2.0) (< win8)) (&& (< net45) (< netstandard1.3) (>= netstandard2.0) (< win8) (< wpa81)) (&& (< net45) (< netstandard1.4) (>= netstandard2.0) (< win8) (< wpa81)) (&& (< net45) (< netstandard1.5) (>= netstandard2.0) (< win8) (< wpa81)) (&& (< net45) (< netstandard1.6) (>= netstandard2.0) (< win8) (< wpa81)) (&& (>= netstandard2.0) (>= uap10.0))
      System.Runtime.InteropServices.RuntimeInformation (>= 4.3) - restriction: || (&& (>= net45) (< netstandard1.0)) (&& (>= net45) (< netstandard1.3)) (&& (>= net45) (>= uap10.0)) (&& (< net45) (< netstandard1.2) (>= netstandard2.0) (< win8)) (&& (< net45) (< netstandard1.3) (>= netstandard2.0) (< win8) (< wpa81)) (&& (< net45) (< netstandard1.4) (>= netstandard2.0) (< win8) (< wpa81)) (&& (< net45) (< netstandard1.5) (>= netstandard2.0) (< win8) (< wpa81)) (&& (< net45) (< netstandard1.6) (>= netstandard2.0) (< win8) (< wpa81)) (&& (>= net46) (< netstandard1.4)) (&& (< netstandard1.0) (>= netstandard2.0) (< portable-net45+win8)) (&& (< netstandard1.0) (>= netstandard2.0) (>= win8)) (&& (< netstandard1.0) (>= netstandard2.0) (< win8)) (&& (< netstandard1.3) (>= netstandard2.0) (< win8) (>= wpa81)) (&& (>= netstandard2.0) (>= uap10.0))
      System.Runtime.Numerics (>= 4.3) - restriction: || (&& (>= net45) (>= uap10.0)) (&& (< net45) (< netstandard1.2) (>= netstandard2.0) (< win8)) (&& (< net45) (< netstandard1.3) (>= netstandard2.0) (< win8) (< wpa81)) (&& (< net45) (< netstandard1.4) (>= netstandard2.0) (< win8) (< wpa81)) (&& (< net45) (< netstandard1.5) (>= netstandard2.0) (< win8) (< wpa81)) (&& (< net45) (< netstandard1.6) (>= netstandard2.0) (< win8) (< wpa81)) (&& (>= netstandard2.0) (>= uap10.0))
      System.Security.Cryptography.Algorithms (>= 4.3) - restriction: || (&& (>= net45) (>= uap10.0)) (&& (< net45) (< netstandard1.4) (>= netstandard2.0) (< win8) (< wpa81)) (&& (< net45) (< netstandard1.5) (>= netstandard2.0) (< win8) (< wpa81)) (&& (< net45) (< netstandard1.6) (>= netstandard2.0) (< win8) (< wpa81)) (&& (>= net46) (< netstandard1.4)) (&& (>= netstandard2.0) (>= uap10.0))
      System.Security.Cryptography.Encoding (>= 4.3) - restriction: || (&& (>= net45) (>= uap10.0)) (&& (< net45) (< netstandard1.4) (>= netstandard2.0) (< win8) (< wpa81)) (&& (< net45) (< netstandard1.5) (>= netstandard2.0) (< win8) (< wpa81)) (&& (< net45) (< netstandard1.6) (>= netstandard2.0) (< win8) (< wpa81)) (&& (>= net46) (< netstandard1.4)) (&& (>= netstandard2.0) (>= uap10.0))
      System.Security.Cryptography.Primitives (>= 4.3) - restriction: || (&& (>= net45) (>= uap10.0)) (&& (< net45) (< netstandard1.4) (>= netstandard2.0) (< win8) (< wpa81)) (&& (< net45) (< netstandard1.5) (>= netstandard2.0) (< win8) (< wpa81)) (&& (< net45) (< netstandard1.6) (>= netstandard2.0) (< win8) (< wpa81)) (&& (>= net46) (< netstandard1.4)) (&& (>= netstandard2.0) (>= uap10.0))
      System.Security.Cryptography.X509Certificates (>= 4.3) - restriction: || (&& (>= net45) (>= uap10.0)) (&& (< net45) (< netstandard1.4) (>= netstandard2.0) (< win8) (< wpa81)) (&& (< net45) (< netstandard1.5) (>= netstandard2.0) (< win8) (< wpa81)) (&& (< net45) (< netstandard1.6) (>= netstandard2.0) (< win8) (< wpa81)) (&& (>= net46) (< netstandard1.4)) (&& (>= netstandard2.0) (>= uap10.0))
      System.Text.Encoding (>= 4.3) - restriction: || (&& (>= net45) (< portable-net45+win8+wpa81)) (&& (>= net45) (>= uap10.0)) (&& (< net45) (< netstandard1.2) (>= netstandard2.0) (< win8)) (&& (< net45) (< netstandard1.3) (>= netstandard2.0) (< win8) (< wpa81)) (&& (< net45) (< netstandard1.4) (>= netstandard2.0) (< win8) (< wpa81)) (&& (< net45) (< netstandard1.5) (>= netstandard2.0) (< win8) (< wpa81)) (&& (< net45) (< netstandard1.6) (>= netstandard2.0) (< win8) (< wpa81)) (&& (>= netstandard2.0) (< portable-net45+win8+wpa81)) (&& (>= netstandard2.0) (>= uap10.0))
      System.Text.Encoding.Extensions (>= 4.3) - restriction: || (&& (>= net45) (< portable-net45+win8+wpa81)) (&& (>= net45) (>= uap10.0)) (&& (< net45) (< netstandard1.2) (>= netstandard2.0) (< win8)) (&& (< net45) (< netstandard1.3) (>= netstandard2.0) (< win8) (< wpa81)) (&& (< net45) (< netstandard1.4) (>= netstandard2.0) (< win8) (< wpa81)) (&& (< net45) (< netstandard1.5) (>= netstandard2.0) (< win8) (< wpa81)) (&& (< net45) (< netstandard1.6) (>= netstandard2.0) (< win8) (< wpa81)) (&& (>= netstandard2.0) (< portable-net45+win8+wpa81)) (&& (>= netstandard2.0) (>= uap10.0))
      System.Text.RegularExpressions (>= 4.3) - restriction: || (&& (>= net45) (< portable-net45+win8+wpa81)) (&& (>= net45) (>= uap10.0)) (&& (< net45) (< netstandard1.2) (>= netstandard2.0) (< win8)) (&& (< net45) (< netstandard1.3) (>= netstandard2.0) (< win8) (< wpa81)) (&& (< net45) (< netstandard1.4) (>= netstandard2.0) (< win8) (< wpa81)) (&& (< net45) (< netstandard1.5) (>= netstandard2.0) (< win8) (< wpa81)) (&& (< net45) (< netstandard1.6) (>= netstandard2.0) (< win8) (< wpa81)) (&& (>= netstandard2.0) (< portable-net45+win8+wpa81)) (&& (>= netstandard2.0) (>= uap10.0))
      System.Threading (>= 4.3) - restriction: || (&& (>= net45) (< portable-net45+win8+wpa81)) (&& (>= net45) (>= uap10.0)) (&& (< net45) (< netstandard1.2) (>= netstandard2.0) (< win8)) (&& (< net45) (< netstandard1.3) (>= netstandard2.0) (< win8) (< wpa81)) (&& (< net45) (< netstandard1.4) (>= netstandard2.0) (< win8) (< wpa81)) (&& (< net45) (< netstandard1.5) (>= netstandard2.0) (< win8) (< wpa81)) (&& (< net45) (< netstandard1.6) (>= netstandard2.0) (< win8) (< wpa81)) (&& (>= netstandard2.0) (< portable-net45+win8+wpa81)) (&& (>= netstandard2.0) (>= uap10.0))
      System.Threading.Tasks (>= 4.3) - restriction: || (&& (>= net45) (< portable-net45+win8+wpa81)) (&& (>= net45) (>= uap10.0)) (&& (< net45) (< netstandard1.2) (>= netstandard2.0) (< win8)) (&& (< net45) (< netstandard1.3) (>= netstandard2.0) (< win8) (< wpa81)) (&& (< net45) (< netstandard1.4) (>= netstandard2.0) (< win8) (< wpa81)) (&& (< net45) (< netstandard1.5) (>= netstandard2.0) (< win8) (< wpa81)) (&& (< net45) (< netstandard1.6) (>= netstandard2.0) (< win8) (< wpa81)) (&& (>= netstandard2.0) (< portable-net45+win8+wpa81)) (&& (>= netstandard2.0) (>= uap10.0))
      System.Threading.Timer (>= 4.3) - restriction: || (&& (>= net45) (>= uap10.0)) (&& (< net45) (< netstandard1.3) (>= netstandard2.0) (< win8) (< wpa81)) (&& (< net45) (< netstandard1.4) (>= netstandard2.0) (< win8) (< wpa81)) (&& (< net45) (< netstandard1.5) (>= netstandard2.0) (< win8) (< wpa81)) (&& (< net45) (< netstandard1.6) (>= netstandard2.0) (< win8) (< wpa81)) (&& (>= netstandard2.0) (>= uap10.0))
      System.Xml.ReaderWriter (>= 4.3) - restriction: || (&& (>= net45) (< portable-net45+win8+wpa81)) (&& (>= net45) (>= uap10.0)) (&& (< net45) (< netstandard1.2) (>= netstandard2.0) (< win8)) (&& (< net45) (< netstandard1.3) (>= netstandard2.0) (< win8) (< wpa81)) (&& (< net45) (< netstandard1.4) (>= netstandard2.0) (< win8) (< wpa81)) (&& (< net45) (< netstandard1.5) (>= netstandard2.0) (< win8) (< wpa81)) (&& (< net45) (< netstandard1.6) (>= netstandard2.0) (< win8) (< wpa81)) (&& (>= net46) (< netstandard1.4)) (&& (>= netstandard2.0) (< portable-net45+win8+wpa81)) (&& (>= netstandard2.0) (>= uap10.0))
      System.Xml.XDocument (>= 4.3) - restriction: || (&& (>= net45) (< portable-net45+win8+wpa81)) (&& (>= net45) (>= uap10.0)) (&& (< net45) (< netstandard1.2) (>= netstandard2.0) (< win8)) (&& (< net45) (< netstandard1.3) (>= netstandard2.0) (< win8) (< wpa81)) (&& (< net45) (< netstandard1.4) (>= netstandard2.0) (< win8) (< wpa81)) (&& (< net45) (< netstandard1.5) (>= netstandard2.0) (< win8) (< wpa81)) (&& (< net45) (< netstandard1.6) (>= netstandard2.0) (< win8) (< wpa81)) (&& (>= netstandard2.0) (< portable-net45+win8+wpa81)) (&& (>= netstandard2.0) (>= uap10.0))
    Npgsql (3.2.5)
      System.Threading.Tasks.Extensions (>= 4.3)
    NUnit (3.11)
      NETStandard.Library (>= 2.0) - restriction: && (< net20) (>= netstandard2.0)
    Rezoom (0.4.2)
    runtime.debian.8-x64.runtime.native.System.Security.Cryptography.OpenSsl (4.3.3) - restriction: || (&& (< monoandroid) (< net45) (< netstandard1.2) (>= netstandard2.0) (< win8)) (&& (< monoandroid) (< net45) (< netstandard1.3) (>= netstandard2.0) (< win8) (< wpa81)) (&& (< monoandroid) (< net45) (< netstandard1.4) (>= netstandard2.0) (< win8) (< wpa81)) (&& (< monoandroid) (< net45) (< netstandard1.5) (>= netstandard2.0) (< win8) (< wpa81)) (&& (< monoandroid) (< net45) (< netstandard1.6) (>= netstandard2.0) (< win8) (< wpa81)) (&& (>= net45) (>= netstandard1.6) (>= uap10.0)) (&& (< net45) (>= net46) (< netstandard1.4) (>= netstandard1.6)) (&& (< net45) (>= net46) (< netstandard1.4) (>= netstandard2.0)) (&& (>= netstandard2.0) (>= uap10.0))
    runtime.debian.9-x64.runtime.native.System.Security.Cryptography.OpenSsl (4.3.3) - restriction: || (&& (< monoandroid) (< net45) (< netstandard1.2) (>= netstandard2.0) (< win8)) (&& (< monoandroid) (< net45) (< netstandard1.3) (>= netstandard2.0) (< win8) (< wpa81)) (&& (< monoandroid) (< net45) (< netstandard1.4) (>= netstandard2.0) (< win8) (< wpa81)) (&& (< monoandroid) (< net45) (< netstandard1.5) (>= netstandard2.0) (< win8) (< wpa81)) (&& (< monoandroid) (< net45) (< netstandard1.6) (>= netstandard2.0) (< win8) (< wpa81)) (&& (>= net45) (>= netstandard1.6) (>= uap10.0)) (&& (< net45) (>= net46) (< netstandard1.4) (>= netstandard1.6)) (&& (< net45) (>= net46) (< netstandard1.4) (>= netstandard2.0)) (&& (>= netstandard2.0) (>= uap10.0))
    runtime.fedora.23-x64.runtime.native.System.Security.Cryptography.OpenSsl (4.3.3) - restriction: || (&& (< monoandroid) (< net45) (< netstandard1.2) (>= netstandard2.0) (< win8)) (&& (< monoandroid) (< net45) (< netstandard1.3) (>= netstandard2.0) (< win8) (< wpa81)) (&& (< monoandroid) (< net45) (< netstandard1.4) (>= netstandard2.0) (< win8) (< wpa81)) (&& (< monoandroid) (< net45) (< netstandard1.5) (>= netstandard2.0) (< win8) (< wpa81)) (&& (< monoandroid) (< net45) (< netstandard1.6) (>= netstandard2.0) (< win8) (< wpa81)) (&& (>= net45) (>= netstandard1.6) (>= uap10.0)) (&& (< net45) (>= net46) (< netstandard1.4) (>= netstandard1.6)) (&& (< net45) (>= net46) (< netstandard1.4) (>= netstandard2.0)) (&& (>= netstandard2.0) (>= uap10.0))
    runtime.fedora.24-x64.runtime.native.System.Security.Cryptography.OpenSsl (4.3.3) - restriction: || (&& (< monoandroid) (< net45) (< netstandard1.2) (>= netstandard2.0) (< win8)) (&& (< monoandroid) (< net45) (< netstandard1.3) (>= netstandard2.0) (< win8) (< wpa81)) (&& (< monoandroid) (< net45) (< netstandard1.4) (>= netstandard2.0) (< win8) (< wpa81)) (&& (< monoandroid) (< net45) (< netstandard1.5) (>= netstandard2.0) (< win8) (< wpa81)) (&& (< monoandroid) (< net45) (< netstandard1.6) (>= netstandard2.0) (< win8) (< wpa81)) (&& (>= net45) (>= netstandard1.6) (>= uap10.0)) (&& (< net45) (>= net46) (< netstandard1.4) (>= netstandard1.6)) (&& (< net45) (>= net46) (< netstandard1.4) (>= netstandard2.0)) (&& (>= netstandard2.0) (>= uap10.0))
    runtime.fedora.27-x64.runtime.native.System.Security.Cryptography.OpenSsl (4.3.3) - restriction: || (&& (< monoandroid) (< net45) (< netstandard1.2) (>= netstandard2.0) (< win8)) (&& (< monoandroid) (< net45) (< netstandard1.3) (>= netstandard2.0) (< win8) (< wpa81)) (&& (< monoandroid) (< net45) (< netstandard1.4) (>= netstandard2.0) (< win8) (< wpa81)) (&& (< monoandroid) (< net45) (< netstandard1.5) (>= netstandard2.0) (< win8) (< wpa81)) (&& (< monoandroid) (< net45) (< netstandard1.6) (>= netstandard2.0) (< win8) (< wpa81)) (&& (>= net45) (>= netstandard1.6) (>= uap10.0)) (&& (< net45) (>= net46) (< netstandard1.4) (>= netstandard1.6)) (&& (< net45) (>= net46) (< netstandard1.4) (>= netstandard2.0)) (&& (>= netstandard2.0) (>= uap10.0))
    runtime.fedora.28-x64.runtime.native.System.Security.Cryptography.OpenSsl (4.3.3) - restriction: || (&& (< monoandroid) (< net45) (< netstandard1.2) (>= netstandard2.0) (< win8)) (&& (< monoandroid) (< net45) (< netstandard1.3) (>= netstandard2.0) (< win8) (< wpa81)) (&& (< monoandroid) (< net45) (< netstandard1.4) (>= netstandard2.0) (< win8) (< wpa81)) (&& (< monoandroid) (< net45) (< netstandard1.5) (>= netstandard2.0) (< win8) (< wpa81)) (&& (< monoandroid) (< net45) (< netstandard1.6) (>= netstandard2.0) (< win8) (< wpa81)) (&& (>= net45) (>= netstandard1.6) (>= uap10.0)) (&& (< net45) (>= net46) (< netstandard1.4) (>= netstandard1.6)) (&& (< net45) (>= net46) (< netstandard1.4) (>= netstandard2.0)) (&& (>= netstandard2.0) (>= uap10.0))
    runtime.native.System (4.3) - restriction: || (&& (< monoandroid) (< net45) (< netstandard1.2) (>= netstandard2.0) (< win8)) (&& (< monoandroid) (< net45) (< netstandard1.3) (>= netstandard2.0) (< win8) (< wpa81)) (&& (< monoandroid) (< net45) (< netstandard1.4) (>= netstandard2.0) (< win8) (< wpa81)) (&& (< monoandroid) (< net45) (< netstandard1.5) (>= netstandard2.0) (< win8) (< wpa81)) (&& (< monoandroid) (< net45) (< netstandard1.6) (>= netstandard2.0) (< win8) (< wpa81)) (&& (>= net45) (>= netstandard1.6) (>= uap10.0)) (&& (< net45) (>= net46) (< netstandard1.4) (>= netstandard1.6)) (&& (< net45) (>= net46) (< netstandard1.4) (>= netstandard2.0)) (&& (>= netstandard2.0) (>= uap10.0))
      Microsoft.NETCore.Platforms (>= 1.1)
      Microsoft.NETCore.Targets (>= 1.1)
    runtime.native.System.Net.Http (4.3) - restriction: || (&& (< monoandroid) (< net45) (< netstandard1.2) (>= netstandard2.0) (< win8)) (&& (< monoandroid) (< net45) (< netstandard1.3) (>= netstandard2.0) (< win8) (< wpa81)) (&& (< monoandroid) (< net45) (< netstandard1.4) (>= netstandard2.0) (< win8) (< wpa81)) (&& (< monoandroid) (< net45) (< netstandard1.5) (>= netstandard2.0) (< win8) (< wpa81)) (&& (< monoandroid) (< net45) (< netstandard1.6) (>= netstandard2.0) (< win8) (< wpa81)) (&& (>= net45) (>= netstandard1.6) (>= uap10.0)) (&& (< net45) (>= net46) (< netstandard1.4) (>= netstandard1.6)) (&& (< net45) (>= net46) (< netstandard1.4) (>= netstandard2.0)) (&& (>= netstandard2.0) (>= uap10.0))
      Microsoft.NETCore.Platforms (>= 1.1)
      Microsoft.NETCore.Targets (>= 1.1)
    runtime.native.System.Security.Cryptography.Apple (4.3.1) - restriction: || (&& (< monoandroid) (< net45) (< netstandard1.4) (>= netstandard2.0) (< win8) (< wpa81)) (&& (< monoandroid) (< net45) (< netstandard1.5) (>= netstandard2.0) (< win8) (< wpa81)) (&& (< monoandroid) (< net45) (< netstandard1.6) (>= netstandard2.0) (< win8) (< wpa81)) (&& (>= net45) (>= netstandard1.6) (>= uap10.0)) (&& (>= netstandard2.0) (>= uap10.0))
      runtime.osx.10.10-x64.runtime.native.System.Security.Cryptography.Apple (>= 4.3.1)
    runtime.native.System.Security.Cryptography.OpenSsl (4.3.3) - restriction: || (&& (< monoandroid) (< net45) (< netstandard1.2) (>= netstandard2.0) (< win8)) (&& (< monoandroid) (< net45) (< netstandard1.3) (>= netstandard2.0) (< win8) (< wpa81)) (&& (< monoandroid) (< net45) (< netstandard1.4) (>= netstandard2.0) (< win8) (< wpa81)) (&& (< monoandroid) (< net45) (< netstandard1.5) (>= netstandard2.0) (< win8) (< wpa81)) (&& (< monoandroid) (< net45) (< netstandard1.6) (>= netstandard2.0) (< win8) (< wpa81)) (&& (>= net45) (>= netstandard1.6) (>= uap10.0)) (&& (< net45) (>= net46) (< netstandard1.4) (>= netstandard1.6)) (&& (< net45) (>= net46) (< netstandard1.4) (>= netstandard2.0)) (&& (>= netstandard2.0) (>= uap10.0))
      runtime.debian.8-x64.runtime.native.System.Security.Cryptography.OpenSsl (>= 4.3.3)
      runtime.debian.9-x64.runtime.native.System.Security.Cryptography.OpenSsl (>= 4.3.3)
      runtime.fedora.23-x64.runtime.native.System.Security.Cryptography.OpenSsl (>= 4.3.3)
      runtime.fedora.24-x64.runtime.native.System.Security.Cryptography.OpenSsl (>= 4.3.3)
      runtime.fedora.27-x64.runtime.native.System.Security.Cryptography.OpenSsl (>= 4.3.3)
      runtime.fedora.28-x64.runtime.native.System.Security.Cryptography.OpenSsl (>= 4.3.3)
      runtime.opensuse.13.2-x64.runtime.native.System.Security.Cryptography.OpenSsl (>= 4.3.3)
      runtime.opensuse.42.1-x64.runtime.native.System.Security.Cryptography.OpenSsl (>= 4.3.3)
      runtime.opensuse.42.3-x64.runtime.native.System.Security.Cryptography.OpenSsl (>= 4.3.3)
      runtime.osx.10.10-x64.runtime.native.System.Security.Cryptography.OpenSsl (>= 4.3.3)
      runtime.rhel.7-x64.runtime.native.System.Security.Cryptography.OpenSsl (>= 4.3.3)
      runtime.ubuntu.14.04-x64.runtime.native.System.Security.Cryptography.OpenSsl (>= 4.3.3)
      runtime.ubuntu.16.04-x64.runtime.native.System.Security.Cryptography.OpenSsl (>= 4.3.3)
      runtime.ubuntu.16.10-x64.runtime.native.System.Security.Cryptography.OpenSsl (>= 4.3.3)
      runtime.ubuntu.18.04-x64.runtime.native.System.Security.Cryptography.OpenSsl (>= 4.3.3)
    runtime.opensuse.13.2-x64.runtime.native.System.Security.Cryptography.OpenSsl (4.3.3) - restriction: || (&& (< monoandroid) (< net45) (< netstandard1.2) (>= netstandard2.0) (< win8)) (&& (< monoandroid) (< net45) (< netstandard1.3) (>= netstandard2.0) (< win8) (< wpa81)) (&& (< monoandroid) (< net45) (< netstandard1.4) (>= netstandard2.0) (< win8) (< wpa81)) (&& (< monoandroid) (< net45) (< netstandard1.5) (>= netstandard2.0) (< win8) (< wpa81)) (&& (< monoandroid) (< net45) (< netstandard1.6) (>= netstandard2.0) (< win8) (< wpa81)) (&& (>= net45) (>= netstandard1.6) (>= uap10.0)) (&& (< net45) (>= net46) (< netstandard1.4) (>= netstandard1.6)) (&& (< net45) (>= net46) (< netstandard1.4) (>= netstandard2.0)) (&& (>= netstandard2.0) (>= uap10.0))
    runtime.opensuse.42.1-x64.runtime.native.System.Security.Cryptography.OpenSsl (4.3.3) - restriction: || (&& (< monoandroid) (< net45) (< netstandard1.2) (>= netstandard2.0) (< win8)) (&& (< monoandroid) (< net45) (< netstandard1.3) (>= netstandard2.0) (< win8) (< wpa81)) (&& (< monoandroid) (< net45) (< netstandard1.4) (>= netstandard2.0) (< win8) (< wpa81)) (&& (< monoandroid) (< net45) (< netstandard1.5) (>= netstandard2.0) (< win8) (< wpa81)) (&& (< monoandroid) (< net45) (< netstandard1.6) (>= netstandard2.0) (< win8) (< wpa81)) (&& (>= net45) (>= netstandard1.6) (>= uap10.0)) (&& (< net45) (>= net46) (< netstandard1.4) (>= netstandard1.6)) (&& (< net45) (>= net46) (< netstandard1.4) (>= netstandard2.0)) (&& (>= netstandard2.0) (>= uap10.0))
    runtime.opensuse.42.3-x64.runtime.native.System.Security.Cryptography.OpenSsl (4.3.3) - restriction: || (&& (< monoandroid) (< net45) (< netstandard1.2) (>= netstandard2.0) (< win8)) (&& (< monoandroid) (< net45) (< netstandard1.3) (>= netstandard2.0) (< win8) (< wpa81)) (&& (< monoandroid) (< net45) (< netstandard1.4) (>= netstandard2.0) (< win8) (< wpa81)) (&& (< monoandroid) (< net45) (< netstandard1.5) (>= netstandard2.0) (< win8) (< wpa81)) (&& (< monoandroid) (< net45) (< netstandard1.6) (>= netstandard2.0) (< win8) (< wpa81)) (&& (>= net45) (>= netstandard1.6) (>= uap10.0)) (&& (< net45) (>= net46) (< netstandard1.4) (>= netstandard1.6)) (&& (< net45) (>= net46) (< netstandard1.4) (>= netstandard2.0)) (&& (>= netstandard2.0) (>= uap10.0))
    runtime.osx.10.10-x64.runtime.native.System.Security.Cryptography.Apple (4.3.1) - restriction: || (&& (< monoandroid) (< net45) (< netstandard1.4) (>= netstandard2.0) (< win8) (< wpa81)) (&& (< monoandroid) (< net45) (< netstandard1.5) (>= netstandard2.0) (< win8) (< wpa81)) (&& (< monoandroid) (< net45) (< netstandard1.6) (>= netstandard2.0) (< win8) (< wpa81)) (&& (>= net45) (>= netstandard1.6) (>= uap10.0)) (&& (>= netstandard2.0) (>= uap10.0))
    runtime.osx.10.10-x64.runtime.native.System.Security.Cryptography.OpenSsl (4.3.3) - restriction: || (&& (< monoandroid) (< net45) (< netstandard1.2) (>= netstandard2.0) (< win8)) (&& (< monoandroid) (< net45) (< netstandard1.3) (>= netstandard2.0) (< win8) (< wpa81)) (&& (< monoandroid) (< net45) (< netstandard1.4) (>= netstandard2.0) (< win8) (< wpa81)) (&& (< monoandroid) (< net45) (< netstandard1.5) (>= netstandard2.0) (< win8) (< wpa81)) (&& (< monoandroid) (< net45) (< netstandard1.6) (>= netstandard2.0) (< win8) (< wpa81)) (&& (>= net45) (>= netstandard1.6) (>= uap10.0)) (&& (< net45) (>= net46) (< netstandard1.4) (>= netstandard1.6)) (&& (< net45) (>= net46) (< netstandard1.4) (>= netstandard2.0)) (&& (>= netstandard2.0) (>= uap10.0))
    runtime.rhel.7-x64.runtime.native.System.Security.Cryptography.OpenSsl (4.3.3) - restriction: || (&& (< monoandroid) (< net45) (< netstandard1.2) (>= netstandard2.0) (< win8)) (&& (< monoandroid) (< net45) (< netstandard1.3) (>= netstandard2.0) (< win8) (< wpa81)) (&& (< monoandroid) (< net45) (< netstandard1.4) (>= netstandard2.0) (< win8) (< wpa81)) (&& (< monoandroid) (< net45) (< netstandard1.5) (>= netstandard2.0) (< win8) (< wpa81)) (&& (< monoandroid) (< net45) (< netstandard1.6) (>= netstandard2.0) (< win8) (< wpa81)) (&& (>= net45) (>= netstandard1.6) (>= uap10.0)) (&& (< net45) (>= net46) (< netstandard1.4) (>= netstandard1.6)) (&& (< net45) (>= net46) (< netstandard1.4) (>= netstandard2.0)) (&& (>= netstandard2.0) (>= uap10.0))
    runtime.ubuntu.14.04-x64.runtime.native.System.Security.Cryptography.OpenSsl (4.3.3) - restriction: || (&& (< monoandroid) (< net45) (< netstandard1.2) (>= netstandard2.0) (< win8)) (&& (< monoandroid) (< net45) (< netstandard1.3) (>= netstandard2.0) (< win8) (< wpa81)) (&& (< monoandroid) (< net45) (< netstandard1.4) (>= netstandard2.0) (< win8) (< wpa81)) (&& (< monoandroid) (< net45) (< netstandard1.5) (>= netstandard2.0) (< win8) (< wpa81)) (&& (< monoandroid) (< net45) (< netstandard1.6) (>= netstandard2.0) (< win8) (< wpa81)) (&& (>= net45) (>= netstandard1.6) (>= uap10.0)) (&& (< net45) (>= net46) (< netstandard1.4) (>= netstandard1.6)) (&& (< net45) (>= net46) (< netstandard1.4) (>= netstandard2.0)) (&& (>= netstandard2.0) (>= uap10.0))
    runtime.ubuntu.16.04-x64.runtime.native.System.Security.Cryptography.OpenSsl (4.3.3) - restriction: || (&& (< monoandroid) (< net45) (< netstandard1.2) (>= netstandard2.0) (< win8)) (&& (< monoandroid) (< net45) (< netstandard1.3) (>= netstandard2.0) (< win8) (< wpa81)) (&& (< monoandroid) (< net45) (< netstandard1.4) (>= netstandard2.0) (< win8) (< wpa81)) (&& (< monoandroid) (< net45) (< netstandard1.5) (>= netstandard2.0) (< win8) (< wpa81)) (&& (< monoandroid) (< net45) (< netstandard1.6) (>= netstandard2.0) (< win8) (< wpa81)) (&& (>= net45) (>= netstandard1.6) (>= uap10.0)) (&& (< net45) (>= net46) (< netstandard1.4) (>= netstandard1.6)) (&& (< net45) (>= net46) (< netstandard1.4) (>= netstandard2.0)) (&& (>= netstandard2.0) (>= uap10.0))
    runtime.ubuntu.16.10-x64.runtime.native.System.Security.Cryptography.OpenSsl (4.3.3) - restriction: || (&& (< monoandroid) (< net45) (< netstandard1.2) (>= netstandard2.0) (< win8)) (&& (< monoandroid) (< net45) (< netstandard1.3) (>= netstandard2.0) (< win8) (< wpa81)) (&& (< monoandroid) (< net45) (< netstandard1.4) (>= netstandard2.0) (< win8) (< wpa81)) (&& (< monoandroid) (< net45) (< netstandard1.5) (>= netstandard2.0) (< win8) (< wpa81)) (&& (< monoandroid) (< net45) (< netstandard1.6) (>= netstandard2.0) (< win8) (< wpa81)) (&& (>= net45) (>= netstandard1.6) (>= uap10.0)) (&& (< net45) (>= net46) (< netstandard1.4) (>= netstandard1.6)) (&& (< net45) (>= net46) (< netstandard1.4) (>= netstandard2.0)) (&& (>= netstandard2.0) (>= uap10.0))
    runtime.ubuntu.18.04-x64.runtime.native.System.Security.Cryptography.OpenSsl (4.3.3) - restriction: || (&& (< monoandroid) (< net45) (< netstandard1.2) (>= netstandard2.0) (< win8)) (&& (< monoandroid) (< net45) (< netstandard1.3) (>= netstandard2.0) (< win8) (< wpa81)) (&& (< monoandroid) (< net45) (< netstandard1.4) (>= netstandard2.0) (< win8) (< wpa81)) (&& (< monoandroid) (< net45) (< netstandard1.5) (>= netstandard2.0) (< win8) (< wpa81)) (&& (< monoandroid) (< net45) (< netstandard1.6) (>= netstandard2.0) (< win8) (< wpa81)) (&& (>= net45) (>= netstandard1.6) (>= uap10.0)) (&& (< net45) (>= net46) (< netstandard1.4) (>= netstandard1.6)) (&& (< net45) (>= net46) (< netstandard1.4) (>= netstandard2.0)) (&& (>= netstandard2.0) (>= uap10.0))
    System.AppContext (4.3) - restriction: || (&& (>= net45) (>= netstandard1.6) (>= uap10.0)) (&& (< net45) (< netstandard1.4) (>= netstandard2.0) (< win8) (< wpa81)) (&& (< net45) (< netstandard1.5) (>= netstandard2.0) (< win8) (< wpa81)) (&& (< net45) (< netstandard1.6) (>= netstandard2.0) (< win8) (< wpa81)) (&& (>= net46) (< netstandard1.4) (>= netstandard1.6)) (&& (>= net46) (< netstandard1.4) (>= netstandard2.0)) (&& (>= netstandard2.0) (>= uap10.0))
      System.Runtime (>= 4.3) - restriction: || (&& (>= dnxcore50) (>= net45)) (&& (>= dnxcore50) (>= netstandard2.0)) (&& (< monoandroid) (< net46) (< netstandard1.6) (>= netstandard2.0)) (&& (< monoandroid) (< net46) (>= netstandard2.0) (< xamarinios)) (&& (>= net45) (< net46) (>= netstandard1.3) (< netstandard1.6)) (&& (>= net45) (< net46) (>= netstandard1.6))
    System.Buffers (4.4) - restriction: || (&& (< monoandroid) (< net45) (< netstandard1.4) (>= netstandard2.0) (< win8) (< wpa81)) (&& (< monoandroid) (< net45) (< netstandard1.5) (>= netstandard2.0) (< win8) (< wpa81)) (&& (< monoandroid) (< net45) (< netstandard1.6) (>= netstandard2.0) (< win8) (< wpa81)) (&& (< monoandroid) (< netstandard1.1) (>= netstandard2.0) (< win8)) (&& (>= net45) (< netstandard1.1) (>= netstandard2.0)) (&& (>= net45) (>= netstandard1.6) (>= uap10.0)) (&& (< net45) (< netcoreapp2.0) (>= netstandard2.0) (< xamarinios)) (&& (< net46) (>= net461) (>= netstandard2.0)) (&& (< netstandard1.1) (>= netstandard2.0) (>= win8)) (&& (>= netstandard2.0) (>= uap10.0))
    System.Collections (4.3) - restriction: || (&& (>= net45) (>= netstandard1.6)) (&& (< net45) (>= net451)) (>= netstandard2.0)
      Microsoft.NETCore.Platforms (>= 1.1) - restriction: || (&& (>= dnxcore50) (>= net45)) (&& (>= dnxcore50) (>= netstandard2.0)) (&& (< monoandroid) (< net45) (< netstandard1.3) (>= netstandard2.0) (< win8) (< wpa81)) (&& (< monoandroid) (< net45) (>= netstandard2.0) (< win8) (< wpa81) (< xamarinios))
      Microsoft.NETCore.Targets (>= 1.1) - restriction: || (&& (>= dnxcore50) (>= net45)) (&& (>= dnxcore50) (>= netstandard2.0)) (&& (< monoandroid) (< net45) (< netstandard1.3) (>= netstandard2.0) (< win8) (< wpa81)) (&& (< monoandroid) (< net45) (>= netstandard2.0) (< win8) (< wpa81) (< xamarinios))
      System.Runtime (>= 4.3) - restriction: || (&& (>= dnxcore50) (>= net45)) (&& (>= dnxcore50) (>= netstandard2.0)) (&& (< monoandroid) (< net45) (< netstandard1.3) (>= netstandard2.0) (< win8) (< wpa81)) (&& (< monoandroid) (< net45) (>= netstandard2.0) (< win8) (< wpa81) (< xamarinios))
    System.Collections.Concurrent (4.3) - restriction: || (&& (>= dnxcore50) (>= net45) (>= netstandard1.6)) (&& (>= dnxcore50) (>= netstandard2.0)) (&& (< monoandroid) (< net45) (>= netstandard2.0) (< win8) (< wpa81) (< xamarinios)) (&& (>= net45) (>= netstandard1.6) (>= uap10.0)) (&& (< net45) (< netstandard1.2) (>= netstandard2.0) (< win8)) (&& (< net45) (< netstandard1.3) (>= netstandard2.0) (< win8) (< wpa81)) (&& (< net45) (< netstandard1.4) (>= netstandard2.0) (< win8) (< wpa81)) (&& (< net45) (< netstandard1.5) (>= netstandard2.0) (< win8) (< wpa81)) (&& (< net45) (< netstandard1.6) (>= netstandard2.0) (< win8) (< wpa81)) (&& (>= netstandard2.0) (>= uap10.0))
    System.Configuration.ConfigurationManager (4.5)
      System.Security.Cryptography.ProtectedData (>= 4.5) - restriction: || (&& (>= net45) (< net461) (>= netstandard2.0)) (&& (< net461) (>= netstandard2.0) (< xamarinios))
      System.Security.Permissions (>= 4.5) - restriction: || (&& (>= monoandroid) (>= net45)) (&& (>= monotouch) (>= net45)) (&& (>= net45) (>= xamarinmac)) (&& (>= net45) (>= xamarintvos)) (&& (>= net45) (>= xamarinwatchos)) (>= net461) (>= netstandard2.0)
    System.Console (4.3.1) - restriction: || (&& (>= net45) (>= netstandard1.6)) (&& (>= net46) (< netstandard1.4) (>= netstandard1.6)) (>= netstandard2.0)
      Microsoft.NETCore.Platforms (>= 1.1) - restriction: || (&& (< monoandroid) (< net46) (>= netstandard2.0) (< xamarinios)) (&& (>= net45) (< net46) (>= netstandard1.3))
      Microsoft.NETCore.Targets (>= 1.1.2) - restriction: || (&& (< monoandroid) (< net46) (>= netstandard2.0) (< xamarinios)) (&& (>= net45) (< net46) (>= netstandard1.3))
      System.IO (>= 4.3) - restriction: || (&& (< monoandroid) (< net46) (>= netstandard2.0) (< xamarinios)) (&& (>= net45) (< net46) (>= netstandard1.3))
      System.Runtime (>= 4.3) - restriction: || (&& (< monoandroid) (< net46) (>= netstandard2.0) (< xamarinios)) (&& (>= net45) (< net46) (>= netstandard1.3))
      System.Text.Encoding (>= 4.3) - restriction: || (&& (< monoandroid) (< net46) (>= netstandard2.0) (< xamarinios)) (&& (>= net45) (< net46) (>= netstandard1.3))
    System.Data.SQLite.Core (1.0.104)
    System.Diagnostics.Debug (4.3) - restriction: || (&& (>= net45) (>= netstandard1.6)) (>= netstandard2.0)
      Microsoft.NETCore.Platforms (>= 1.1) - restriction: || (&& (>= dnxcore50) (>= net45)) (&& (>= dnxcore50) (>= netstandard2.0)) (&& (< monoandroid) (< net45) (< netstandard1.3) (>= netstandard2.0) (< win8) (< wpa81)) (&& (< monoandroid) (< net45) (>= netstandard2.0) (< win8) (< wpa81) (< xamarinios))
      Microsoft.NETCore.Targets (>= 1.1) - restriction: || (&& (>= dnxcore50) (>= net45)) (&& (>= dnxcore50) (>= netstandard2.0)) (&& (< monoandroid) (< net45) (< netstandard1.3) (>= netstandard2.0) (< win8) (< wpa81)) (&& (< monoandroid) (< net45) (>= netstandard2.0) (< win8) (< wpa81) (< xamarinios))
      System.Runtime (>= 4.3) - restriction: || (&& (>= dnxcore50) (>= net45)) (&& (>= dnxcore50) (>= netstandard2.0)) (&& (< monoandroid) (< net45) (< netstandard1.3) (>= netstandard2.0) (< win8) (< wpa81)) (&& (< monoandroid) (< net45) (>= netstandard2.0) (< win8) (< wpa81) (< xamarinios))
    System.Diagnostics.DiagnosticSource (4.5.1) - restriction: || (&& (>= dnxcore50) (>= net46) (>= netstandard1.6)) (&& (>= dnxcore50) (>= netstandard2.0)) (&& (< monoandroid) (< net45) (< netstandard1.2) (>= netstandard2.0) (< win8)) (&& (< monoandroid) (< net45) (< netstandard1.3) (>= netstandard2.0) (< win8) (< wpa81)) (&& (< monoandroid) (< net45) (< netstandard1.4) (>= netstandard2.0) (< win8) (< wpa81)) (&& (< monoandroid) (< net45) (< netstandard1.5) (>= netstandard2.0) (< win8) (< wpa81)) (&& (< monoandroid) (< net45) (< netstandard1.6) (>= netstandard2.0) (< win8) (< wpa81)) (&& (>= net45) (>= netstandard1.6) (>= uap10.0)) (&& (< net45) (>= net46) (< netstandard1.4) (>= netstandard1.6)) (&& (< net45) (>= net46) (< netstandard1.4) (>= netstandard2.0)) (&& (>= netstandard2.0) (>= uap10.0))
    System.Diagnostics.Tools (4.3) - restriction: || (&& (>= net45) (>= netstandard1.6)) (>= netstandard2.0)
      Microsoft.NETCore.Platforms (>= 1.1) - restriction: || (&& (>= dnxcore50) (>= net45)) (&& (>= dnxcore50) (>= netstandard2.0)) (&& (< monoandroid) (< net45) (>= netstandard2.0) (< win8) (< wpa81) (< xamarinios))
      Microsoft.NETCore.Targets (>= 1.1) - restriction: || (&& (>= dnxcore50) (>= net45)) (&& (>= dnxcore50) (>= netstandard2.0)) (&& (< monoandroid) (< net45) (>= netstandard2.0) (< win8) (< wpa81) (< xamarinios))
      System.Runtime (>= 4.3) - restriction: || (&& (>= dnxcore50) (>= net45)) (&& (>= dnxcore50) (>= netstandard2.0)) (&& (< monoandroid) (< net45) (>= netstandard2.0) (< win8) (< wpa81) (< xamarinios))
    System.Diagnostics.Tracing (4.3) - restriction: || (&& (< monoandroid) (< net45) (>= netstandard2.0) (< win8) (< wpa81) (< xamarinios)) (&& (>= net45) (>= netstandard1.6) (>= uap10.0)) (&& (< net45) (< netstandard1.2) (>= netstandard2.0) (< win8)) (&& (< net45) (< netstandard1.3) (>= netstandard2.0) (< win8) (< wpa81)) (&& (< net45) (< netstandard1.4) (>= netstandard2.0) (< win8) (< wpa81)) (&& (< net45) (< netstandard1.5) (>= netstandard2.0) (< win8) (< wpa81)) (&& (< net45) (< netstandard1.6) (>= netstandard2.0) (< win8) (< wpa81)) (&& (>= netstandard2.0) (>= uap10.0))
    System.Globalization (4.3) - restriction: || (&& (>= net45) (>= netstandard1.6)) (>= netstandard2.0)
      Microsoft.NETCore.Platforms (>= 1.1) - restriction: || (&& (>= dnxcore50) (>= net45)) (&& (>= dnxcore50) (>= netstandard2.0)) (&& (< monoandroid) (< net45) (< netstandard1.3) (>= netstandard2.0) (< win8) (< wpa81)) (&& (< monoandroid) (< net45) (>= netstandard2.0) (< win8) (< wpa81) (< xamarinios))
      Microsoft.NETCore.Targets (>= 1.1) - restriction: || (&& (>= dnxcore50) (>= net45)) (&& (>= dnxcore50) (>= netstandard2.0)) (&& (< monoandroid) (< net45) (< netstandard1.3) (>= netstandard2.0) (< win8) (< wpa81)) (&& (< monoandroid) (< net45) (>= netstandard2.0) (< win8) (< wpa81) (< xamarinios))
      System.Runtime (>= 4.3) - restriction: || (&& (>= dnxcore50) (>= net45)) (&& (>= dnxcore50) (>= netstandard2.0)) (&& (< monoandroid) (< net45) (< netstandard1.3) (>= netstandard2.0) (< win8) (< wpa81)) (&& (< monoandroid) (< net45) (>= netstandard2.0) (< win8) (< wpa81) (< xamarinios))
    System.Globalization.Calendars (4.3) - restriction: || (&& (>= net45) (>= netstandard1.6) (>= uap10.0)) (&& (< net45) (< netstandard1.4) (>= netstandard2.0) (< win8) (< wpa81)) (&& (< net45) (< netstandard1.5) (>= netstandard2.0) (< win8) (< wpa81)) (&& (< net45) (< netstandard1.6) (>= netstandard2.0) (< win8) (< wpa81)) (&& (>= net46) (< netstandard1.4) (>= netstandard1.6)) (&& (>= net46) (< netstandard1.4) (>= netstandard2.0)) (&& (>= netstandard2.0) (>= uap10.0))
      Microsoft.NETCore.Platforms (>= 1.1) - restriction: || (&& (< monoandroid) (< net46) (>= netstandard2.0) (< xamarinios)) (&& (>= net45) (< net46) (>= netstandard1.3))
      Microsoft.NETCore.Targets (>= 1.1) - restriction: || (&& (< monoandroid) (< net46) (>= netstandard2.0) (< xamarinios)) (&& (>= net45) (< net46) (>= netstandard1.3))
      System.Globalization (>= 4.3) - restriction: || (&& (< monoandroid) (< net46) (>= netstandard2.0) (< xamarinios)) (&& (>= net45) (< net46) (>= netstandard1.3))
      System.Runtime (>= 4.3) - restriction: || (&& (< monoandroid) (< net46) (>= netstandard2.0) (< xamarinios)) (&& (>= net45) (< net46) (>= netstandard1.3))
    System.Globalization.Extensions (4.3) - restriction: || (&& (< monoandroid) (< net45) (< netstandard1.2) (>= netstandard2.0) (< win8)) (&& (< monoandroid) (< net45) (< netstandard1.3) (>= netstandard2.0) (< win8) (< wpa81)) (&& (< monoandroid) (< net45) (< netstandard1.4) (>= netstandard2.0) (< win8) (< wpa81)) (&& (< monoandroid) (< net45) (< netstandard1.5) (>= netstandard2.0) (< win8) (< wpa81)) (&& (< monoandroid) (< net45) (< netstandard1.6) (>= netstandard2.0) (< win8) (< wpa81)) (&& (>= net45) (>= netstandard1.6) (>= uap10.0)) (&& (< net45) (>= net46) (< netstandard1.4) (>= netstandard1.6)) (&& (< net45) (>= net46) (< netstandard1.4) (>= netstandard2.0)) (&& (>= netstandard2.0) (>= uap10.0))
      Microsoft.NETCore.Platforms (>= 1.1) - restriction: || (&& (< monoandroid) (< net46) (>= netstandard2.0) (< xamarinios)) (&& (>= net45) (< net46) (>= netstandard1.3))
      System.Globalization (>= 4.3) - restriction: || (&& (< monoandroid) (< net46) (>= netstandard2.0) (< xamarinios)) (&& (>= net45) (< net46) (>= netstandard1.3))
      System.Resources.ResourceManager (>= 4.3) - restriction: || (&& (< monoandroid) (< net46) (>= netstandard2.0) (< xamarinios)) (&& (>= net45) (< net46) (>= netstandard1.3))
      System.Runtime (>= 4.3) - restriction: || (&& (< monoandroid) (< net46) (>= netstandard2.0) (< xamarinios)) (&& (>= net45) (< net46) (>= netstandard1.3))
      System.Runtime.Extensions (>= 4.3) - restriction: || (&& (< monoandroid) (< net46) (>= netstandard2.0) (< xamarinios)) (&& (>= net45) (< net46) (>= netstandard1.3))
      System.Runtime.InteropServices (>= 4.3) - restriction: || (&& (< monoandroid) (< net46) (>= netstandard2.0) (< xamarinios)) (&& (>= net45) (< net46) (>= netstandard1.3))
    System.IO (4.3) - restriction: || (&& (>= net45) (>= netstandard1.6)) (>= netstandard2.0)
      Microsoft.NETCore.Platforms (>= 1.1) - restriction: || (&& (>= dnxcore50) (>= net45)) (&& (>= dnxcore50) (>= netstandard2.0)) (&& (< monoandroid) (< net45) (< netstandard1.3) (>= netstandard2.0) (< win8) (< wpa81)) (&& (< monoandroid) (< net45) (< netstandard1.5) (>= netstandard2.0) (< win8) (< wpa81)) (&& (< monoandroid) (< net45) (>= netstandard2.0) (< win8) (< wpa81) (< xamarinios))
      Microsoft.NETCore.Targets (>= 1.1) - restriction: || (&& (>= dnxcore50) (>= net45)) (&& (>= dnxcore50) (>= netstandard2.0)) (&& (< monoandroid) (< net45) (< netstandard1.3) (>= netstandard2.0) (< win8) (< wpa81)) (&& (< monoandroid) (< net45) (< netstandard1.5) (>= netstandard2.0) (< win8) (< wpa81)) (&& (< monoandroid) (< net45) (>= netstandard2.0) (< win8) (< wpa81) (< xamarinios))
      System.Runtime (>= 4.3) - restriction: || (&& (>= dnxcore50) (>= net45)) (&& (>= dnxcore50) (>= netstandard2.0)) (&& (< monoandroid) (< net45) (< netstandard1.3) (>= netstandard2.0) (< win8) (< wpa81)) (&& (< monoandroid) (< net45) (< netstandard1.5) (>= netstandard2.0) (< win8) (< wpa81)) (&& (< monoandroid) (< net45) (>= netstandard2.0) (< win8) (< wpa81) (< xamarinios))
      System.Text.Encoding (>= 4.3) - restriction: || (&& (>= dnxcore50) (>= net45)) (&& (>= dnxcore50) (>= netstandard2.0)) (&& (< monoandroid) (< net45) (< netstandard1.3) (>= netstandard2.0) (< win8) (< wpa81)) (&& (< monoandroid) (< net45) (< netstandard1.5) (>= netstandard2.0) (< win8) (< wpa81)) (&& (< monoandroid) (< net45) (>= netstandard2.0) (< win8) (< wpa81) (< xamarinios))
      System.Threading.Tasks (>= 4.3) - restriction: || (&& (>= dnxcore50) (>= net45)) (&& (>= dnxcore50) (>= netstandard2.0)) (&& (< monoandroid) (< net45) (< netstandard1.3) (>= netstandard2.0) (< win8) (< wpa81)) (&& (< monoandroid) (< net45) (< netstandard1.5) (>= netstandard2.0) (< win8) (< wpa81)) (&& (< monoandroid) (< net45) (>= netstandard2.0) (< win8) (< wpa81) (< xamarinios))
    System.IO.Compression (4.3) - restriction: || (&& (>= net45) (>= netstandard1.6) (>= uap10.0)) (&& (< net45) (< netstandard1.2) (>= netstandard2.0) (< win8)) (&& (< net45) (< netstandard1.3) (>= netstandard2.0) (< win8) (< wpa81)) (&& (< net45) (< netstandard1.4) (>= netstandard2.0) (< win8) (< wpa81)) (&& (< net45) (< netstandard1.5) (>= netstandard2.0) (< win8) (< wpa81)) (&& (< net45) (< netstandard1.6) (>= netstandard2.0) (< win8) (< wpa81)) (&& (>= net46) (< netstandard1.4) (>= netstandard1.6)) (&& (>= net46) (< netstandard1.4) (>= netstandard2.0)) (&& (>= netstandard2.0) (>= uap10.0))
    System.IO.Compression.ZipFile (4.3) - restriction: || (&& (>= net45) (>= netstandard1.6) (>= uap10.0)) (&& (< net45) (< netstandard1.4) (>= netstandard2.0) (< win8) (< wpa81)) (&& (< net45) (< netstandard1.5) (>= netstandard2.0) (< win8) (< wpa81)) (&& (< net45) (< netstandard1.6) (>= netstandard2.0) (< win8) (< wpa81)) (&& (>= net46) (< netstandard1.4) (>= netstandard1.6)) (&& (>= net46) (< netstandard1.4) (>= netstandard2.0)) (&& (>= netstandard2.0) (>= uap10.0))
      System.Buffers (>= 4.3) - restriction: || (&& (< monoandroid) (< net46) (>= netstandard2.0) (< xamarinios)) (&& (>= net45) (< net46) (>= netstandard1.3))
      System.IO (>= 4.3) - restriction: || (&& (< monoandroid) (< net46) (>= netstandard2.0) (< xamarinios)) (&& (>= net45) (< net46) (>= netstandard1.3))
      System.IO.Compression (>= 4.3) - restriction: || (&& (< monoandroid) (< net46) (>= netstandard2.0) (< xamarinios)) (&& (>= net45) (< net46) (>= netstandard1.3))
      System.IO.FileSystem (>= 4.3) - restriction: || (&& (< monoandroid) (< net46) (>= netstandard2.0) (< xamarinios)) (&& (>= net45) (< net46) (>= netstandard1.3))
      System.IO.FileSystem.Primitives (>= 4.3) - restriction: || (&& (< monoandroid) (< net46) (>= netstandard2.0) (< xamarinios)) (&& (>= net45) (< net46) (>= netstandard1.3))
      System.Resources.ResourceManager (>= 4.3) - restriction: || (&& (< monoandroid) (< net46) (>= netstandard2.0) (< xamarinios)) (&& (>= net45) (< net46) (>= netstandard1.3))
      System.Runtime (>= 4.3) - restriction: || (&& (< monoandroid) (< net46) (>= netstandard2.0) (< xamarinios)) (&& (>= net45) (< net46) (>= netstandard1.3))
      System.Runtime.Extensions (>= 4.3) - restriction: || (&& (< monoandroid) (< net46) (>= netstandard2.0) (< xamarinios)) (&& (>= net45) (< net46) (>= netstandard1.3))
      System.Text.Encoding (>= 4.3) - restriction: || (&& (< monoandroid) (< net46) (>= netstandard2.0) (< xamarinios)) (&& (>= net45) (< net46) (>= netstandard1.3))
    System.IO.FileSystem (4.3) - restriction: || (&& (>= net45) (>= netstandard1.6) (>= uap10.0)) (&& (< net45) (< netstandard1.4) (>= netstandard2.0) (< win8) (< wpa81)) (&& (< net45) (< netstandard1.5) (>= netstandard2.0) (< win8) (< wpa81)) (&& (< net45) (< netstandard1.6) (>= netstandard2.0) (< win8) (< wpa81)) (&& (>= net46) (< netstandard1.4) (>= netstandard1.6)) (&& (>= net46) (< netstandard1.4) (>= netstandard2.0)) (&& (>= netstandard2.0) (>= uap10.0))
      Microsoft.NETCore.Platforms (>= 1.1) - restriction: || (&& (< monoandroid) (< net46) (>= netstandard2.0) (< xamarinios)) (&& (>= net45) (< net46) (>= netstandard1.3))
      Microsoft.NETCore.Targets (>= 1.1) - restriction: || (&& (< monoandroid) (< net46) (>= netstandard2.0) (< xamarinios)) (&& (>= net45) (< net46) (>= netstandard1.3))
      System.IO (>= 4.3) - restriction: || (&& (< monoandroid) (< net46) (>= netstandard2.0) (< xamarinios)) (&& (>= net45) (< net46) (>= netstandard1.3))
      System.IO.FileSystem.Primitives (>= 4.3) - restriction: || (&& (< monoandroid) (>= netstandard2.0) (< xamarinios)) (&& (>= net45) (>= netstandard1.3)) (>= net46)
      System.Runtime (>= 4.3) - restriction: || (&& (< monoandroid) (< net46) (>= netstandard2.0) (< xamarinios)) (&& (>= net45) (< net46) (>= netstandard1.3))
      System.Runtime.Handles (>= 4.3) - restriction: || (&& (< monoandroid) (< net46) (>= netstandard2.0) (< xamarinios)) (&& (>= net45) (< net46) (>= netstandard1.3))
      System.Text.Encoding (>= 4.3) - restriction: || (&& (< monoandroid) (< net46) (>= netstandard2.0) (< xamarinios)) (&& (>= net45) (< net46) (>= netstandard1.3))
      System.Threading.Tasks (>= 4.3) - restriction: || (&& (< monoandroid) (< net46) (>= netstandard2.0) (< xamarinios)) (&& (>= net45) (< net46) (>= netstandard1.3))
    System.IO.FileSystem.Primitives (4.3) - restriction: || (&& (>= net45) (>= netstandard1.6) (>= uap10.0)) (&& (< net45) (< netstandard1.4) (>= netstandard2.0) (< win8) (< wpa81)) (&& (< net45) (< netstandard1.5) (>= netstandard2.0) (< win8) (< wpa81)) (&& (< net45) (< netstandard1.6) (>= netstandard2.0) (< win8) (< wpa81)) (&& (>= net46) (< netstandard1.4) (>= netstandard1.6)) (&& (>= net46) (< netstandard1.4) (>= netstandard2.0)) (&& (>= netstandard2.0) (>= uap10.0))
      System.Runtime (>= 4.3) - restriction: || (&& (< monoandroid) (< net46) (>= netstandard2.0) (< xamarinios)) (&& (>= net45) (< net46) (>= netstandard1.3))
    System.Linq (4.3) - restriction: || (&& (>= net45) (>= netstandard1.6)) (>= netstandard2.0)
      System.Collections (>= 4.3) - restriction: || (&& (>= dnxcore50) (>= net45)) (&& (>= dnxcore50) (>= netstandard2.0)) (&& (< monoandroid) (< net45) (< netstandard1.6) (>= netstandard2.0) (< win8) (< wpa81)) (&& (< monoandroid) (< net45) (>= netstandard2.0) (< xamarinios))
      System.Diagnostics.Debug (>= 4.3) - restriction: || (&& (>= dnxcore50) (>= net45)) (&& (>= dnxcore50) (>= netstandard2.0)) (&& (< monoandroid) (< net45) (>= netstandard2.0) (< xamarinios))
      System.Resources.ResourceManager (>= 4.3) - restriction: || (&& (>= dnxcore50) (>= net45)) (&& (>= dnxcore50) (>= netstandard2.0)) (&& (< monoandroid) (< net45) (>= netstandard2.0) (< xamarinios))
      System.Runtime (>= 4.3) - restriction: || (&& (>= dnxcore50) (>= net45)) (&& (>= dnxcore50) (>= netstandard2.0)) (&& (< monoandroid) (< net45) (< netstandard1.6) (>= netstandard2.0) (< win8) (< wpa81)) (&& (< monoandroid) (< net45) (>= netstandard2.0) (< xamarinios))
      System.Runtime.Extensions (>= 4.3) - restriction: || (&& (>= dnxcore50) (>= net45)) (&& (>= dnxcore50) (>= netstandard2.0)) (&& (< monoandroid) (< net45) (>= netstandard2.0) (< xamarinios))
    System.Linq.Expressions (4.3) - restriction: || (&& (>= net45) (>= netstandard1.6)) (>= netstandard2.0)
      System.Collections (>= 4.3) - restriction: || (&& (>= dnxcore50) (>= net45)) (&& (>= dnxcore50) (>= netstandard2.0)) (&& (< monoandroid) (< net45) (>= netstandard2.0) (< win8) (< wpa81) (< xamarinios))
      System.Diagnostics.Debug (>= 4.3) - restriction: || (&& (>= dnxcore50) (>= net45)) (&& (>= dnxcore50) (>= netstandard2.0)) (&& (< monoandroid) (< net45) (>= netstandard2.0) (< win8) (< wpa81) (< xamarinios))
      System.Globalization (>= 4.3) - restriction: || (&& (>= dnxcore50) (>= net45)) (&& (>= dnxcore50) (>= netstandard2.0)) (&& (< monoandroid) (< net45) (>= netstandard2.0) (< win8) (< wpa81) (< xamarinios))
      System.IO (>= 4.3) - restriction: || (&& (>= dnxcore50) (>= net45)) (&& (>= dnxcore50) (>= netstandard2.0)) (&& (< monoandroid) (< net45) (>= netstandard2.0) (< win8) (< wpa81) (< xamarinios))
      System.Linq (>= 4.3) - restriction: || (&& (>= dnxcore50) (>= net45)) (&& (>= dnxcore50) (>= netstandard2.0)) (&& (< monoandroid) (< net45) (>= netstandard2.0) (< win8) (< wpa81) (< xamarinios))
      System.ObjectModel (>= 4.3) - restriction: && (< monoandroid) (< net45) (>= netstandard2.0) (< win8) (< wpa81) (< xamarinios)
      System.Reflection (>= 4.3) - restriction: || (&& (>= dnxcore50) (>= net45)) (&& (>= dnxcore50) (>= netstandard2.0)) (&& (< monoandroid) (< net45) (< netstandard1.3) (>= netstandard2.0) (< win8) (< wpa81)) (&& (< monoandroid) (< net45) (< netstandard1.6) (>= netstandard2.0) (< win8) (< wpa81)) (&& (< monoandroid) (< net45) (>= netstandard2.0) (< win8) (< wpa81) (< xamarinios))
      System.Reflection.Emit (>= 4.3) - restriction: && (< monoandroid) (< net45) (>= netstandard2.0) (< win8) (< wpa81) (< xamarinios)
      System.Reflection.Emit.ILGeneration (>= 4.3) - restriction: || (&& (>= dnxcore50) (>= net45)) (&& (>= dnxcore50) (>= netstandard2.0)) (&& (< monoandroid) (< net45) (>= netstandard2.0) (< win8) (< wpa81) (< xamarinios))
      System.Reflection.Emit.Lightweight (>= 4.3) - restriction: || (&& (>= dnxcore50) (>= net45)) (&& (>= dnxcore50) (>= netstandard2.0)) (&& (< monoandroid) (< net45) (>= netstandard2.0) (< win8) (< wpa81) (< xamarinios))
      System.Reflection.Extensions (>= 4.3) - restriction: || (&& (>= dnxcore50) (>= net45)) (&& (>= dnxcore50) (>= netstandard2.0)) (&& (< monoandroid) (< net45) (>= netstandard2.0) (< win8) (< wpa81) (< xamarinios))
      System.Reflection.Primitives (>= 4.3) - restriction: || (&& (>= dnxcore50) (>= net45)) (&& (>= dnxcore50) (>= netstandard2.0)) (&& (< monoandroid) (< net45) (>= netstandard2.0) (< win8) (< wpa81) (< xamarinios))
      System.Reflection.TypeExtensions (>= 4.3) - restriction: || (&& (>= dnxcore50) (>= net45)) (&& (>= dnxcore50) (>= netstandard2.0)) (&& (< monoandroid) (< net45) (>= netstandard2.0) (< win8) (< wpa81) (< xamarinios))
      System.Resources.ResourceManager (>= 4.3) - restriction: || (&& (>= dnxcore50) (>= net45)) (&& (>= dnxcore50) (>= netstandard2.0)) (&& (< monoandroid) (< net45) (>= netstandard2.0) (< win8) (< wpa81) (< xamarinios))
      System.Runtime (>= 4.3) - restriction: || (&& (>= dnxcore50) (>= net45)) (&& (>= dnxcore50) (>= netstandard2.0)) (&& (< monoandroid) (< net45) (< netstandard1.3) (>= netstandard2.0) (< win8) (< wpa81)) (&& (< monoandroid) (< net45) (< netstandard1.6) (>= netstandard2.0) (< win8) (< wpa81)) (&& (< monoandroid) (< net45) (>= netstandard2.0) (< win8) (< wpa81) (< xamarinios))
      System.Runtime.Extensions (>= 4.3) - restriction: || (&& (>= dnxcore50) (>= net45)) (&& (>= dnxcore50) (>= netstandard2.0)) (&& (< monoandroid) (< net45) (>= netstandard2.0) (< win8) (< wpa81) (< xamarinios))
      System.Threading (>= 4.3) - restriction: || (&& (>= dnxcore50) (>= net45)) (&& (>= dnxcore50) (>= netstandard2.0)) (&& (< monoandroid) (< net45) (>= netstandard2.0) (< win8) (< wpa81) (< xamarinios))
    System.Linq.Queryable (4.0.1) - restriction: || (&& (>= net45) (>= netstandard1.6)) (>= netstandard2.0)
      System.Collections (>= 4.0.11) - restriction: || (&& (>= dnxcore50) (>= net45)) (&& (>= dnxcore50) (>= netstandard2.0)) (&& (< monoandroid) (< net45) (>= netstandard2.0) (< win8) (< wpa81) (< xamarinios))
      System.Diagnostics.Debug (>= 4.0.11) - restriction: || (&& (>= dnxcore50) (>= net45)) (&& (>= dnxcore50) (>= netstandard2.0)) (&& (< monoandroid) (< net45) (>= netstandard2.0) (< win8) (< wpa81) (< xamarinios))
      System.Linq (>= 4.1) - restriction: || (&& (>= dnxcore50) (>= net45)) (&& (>= dnxcore50) (>= netstandard2.0)) (&& (< monoandroid) (< net45) (< netstandard1.3) (>= netstandard2.0) (< win8) (< wpa81)) (&& (< monoandroid) (< net45) (>= netstandard2.0) (< win8) (< wpa81) (< xamarinios))
      System.Linq.Expressions (>= 4.1) - restriction: || (&& (>= dnxcore50) (>= net45)) (&& (>= dnxcore50) (>= netstandard2.0)) (&& (< monoandroid) (< net45) (< netstandard1.3) (>= netstandard2.0) (< win8) (< wpa81)) (&& (< monoandroid) (< net45) (>= netstandard2.0) (< win8) (< wpa81) (< xamarinios))
      System.Reflection (>= 4.1) - restriction: || (&& (>= dnxcore50) (>= net45)) (&& (>= dnxcore50) (>= netstandard2.0)) (&& (< monoandroid) (< net45) (>= netstandard2.0) (< win8) (< wpa81) (< xamarinios))
      System.Reflection.Extensions (>= 4.0.1) - restriction: || (&& (>= dnxcore50) (>= net45)) (&& (>= dnxcore50) (>= netstandard2.0)) (&& (< monoandroid) (< net45) (>= netstandard2.0) (< win8) (< wpa81) (< xamarinios))
      System.Resources.ResourceManager (>= 4.0.1) - restriction: || (&& (>= dnxcore50) (>= net45)) (&& (>= dnxcore50) (>= netstandard2.0)) (&& (< monoandroid) (< net45) (>= netstandard2.0) (< win8) (< wpa81) (< xamarinios))
      System.Runtime (>= 4.1) - restriction: || (&& (>= dnxcore50) (>= net45)) (&& (>= dnxcore50) (>= netstandard2.0)) (&& (< monoandroid) (< net45) (< netstandard1.3) (>= netstandard2.0) (< win8) (< wpa81)) (&& (< monoandroid) (< net45) (>= netstandard2.0) (< win8) (< wpa81) (< xamarinios))
    System.Memory (4.5) - restriction: || (&& (>= net45) (< net46) (>= netstandard2.0)) (&& (< net46) (< netcoreapp2.1) (>= netstandard2.0) (< xamarinios))
      System.Buffers (>= 4.4) - restriction: || (&& (< monoandroid) (< netstandard1.1) (>= netstandard2.0) (< win8)) (&& (>= net45) (< netstandard1.1)) (&& (>= net45) (< netstandard2.0)) (&& (< net45) (< netcoreapp2.0) (>= netstandard2.0) (< xamarinios)) (>= net461) (&& (< netstandard1.1) (>= netstandard2.0) (>= win8))
      System.Numerics.Vectors (>= 4.4) - restriction: || (&& (< net45) (< netcoreapp2.0) (>= netstandard2.0) (< xamarinios)) (>= net461)
      System.Runtime.CompilerServices.Unsafe (>= 4.5) - restriction: || (&& (< monoandroid) (< netstandard1.1) (>= netstandard2.0) (< win8)) (&& (>= net45) (>= netcoreapp2.0)) (&& (>= net45) (< netstandard1.1)) (&& (>= net45) (< netstandard2.0)) (&& (>= net45) (>= uap10.1)) (&& (< net45) (< netcoreapp2.0) (>= netstandard2.0) (< xamarinios)) (>= net461) (&& (>= netcoreapp2.0) (< netcoreapp2.1)) (&& (< netstandard1.1) (>= netstandard2.0) (>= win8)) (&& (>= netstandard2.0) (>= uap10.1))
    System.Net.Http (4.3.4) - restriction: || (&& (< monoandroid) (< net45) (>= netstandard2.0) (< win8) (< wpa81) (< xamarinios)) (&& (>= net45) (>= netstandard1.6) (>= uap10.0)) (&& (< net45) (< netstandard1.2) (>= netstandard2.0) (< win8)) (&& (< net45) (< netstandard1.3) (>= netstandard2.0) (< win8) (< wpa81)) (&& (< net45) (< netstandard1.4) (>= netstandard2.0) (< win8) (< wpa81)) (&& (< net45) (< netstandard1.5) (>= netstandard2.0) (< win8) (< wpa81)) (&& (< net45) (< netstandard1.6) (>= netstandard2.0) (< win8) (< wpa81)) (&& (>= net46) (< netstandard1.4) (>= netstandard1.6)) (&& (>= net46) (< netstandard1.4) (>= netstandard2.0)) (&& (>= netstandard2.0) (>= uap10.0))
      Microsoft.NETCore.Platforms (>= 1.1.1) - restriction: || (&& (>= dnxcore50) (>= net45)) (&& (>= dnxcore50) (>= netstandard2.0)) (&& (< monoandroid) (< net45) (< netstandard1.6) (>= netstandard2.0) (< win8) (< wpa81)) (&& (< monoandroid) (< net45) (>= netstandard2.0) (< xamarinios))
      runtime.native.System (>= 4.3) - restriction: && (< monoandroid) (< net45) (>= netstandard2.0) (< xamarinios)
      runtime.native.System.Net.Http (>= 4.3) - restriction: && (< monoandroid) (< net45) (>= netstandard2.0) (< xamarinios)
      runtime.native.System.Security.Cryptography.OpenSsl (>= 4.3.2) - restriction: && (< monoandroid) (< net45) (>= netstandard2.0) (< xamarinios)
      System.Collections (>= 4.3) - restriction: || (&& (>= dnxcore50) (>= net45)) (&& (>= dnxcore50) (>= netstandard2.0)) (&& (< monoandroid) (< net45) (< netstandard1.6) (>= netstandard2.0) (< win8) (< wpa81)) (&& (< monoandroid) (< net45) (>= netstandard2.0) (< xamarinios))
      System.Diagnostics.Debug (>= 4.3) - restriction: || (&& (>= dnxcore50) (>= net45)) (&& (>= dnxcore50) (>= netstandard2.0)) (&& (< monoandroid) (< net45) (< netstandard1.6) (>= netstandard2.0) (< win8) (< wpa81)) (&& (< monoandroid) (< net45) (>= netstandard2.0) (< xamarinios))
      System.Diagnostics.DiagnosticSource (>= 4.3) - restriction: || (&& (>= dnxcore50) (>= net45)) (&& (>= dnxcore50) (>= netstandard2.0)) (&& (< monoandroid) (< net45) (< netstandard1.6) (>= netstandard2.0) (< win8) (< wpa81)) (&& (< monoandroid) (< net45) (>= netstandard2.0) (< xamarinios))
      System.Diagnostics.Tracing (>= 4.3) - restriction: || (&& (>= dnxcore50) (>= net45)) (&& (>= dnxcore50) (>= netstandard2.0)) (&& (< monoandroid) (< net45) (< netstandard1.6) (>= netstandard2.0) (< win8) (< wpa81)) (&& (< monoandroid) (< net45) (>= netstandard2.0) (< xamarinios))
      System.Globalization (>= 4.3) - restriction: || (&& (>= dnxcore50) (>= net45)) (&& (>= dnxcore50) (>= netstandard2.0)) (&& (< monoandroid) (< net45) (< netstandard1.6) (>= netstandard2.0) (< win8) (< wpa81)) (&& (< monoandroid) (< net45) (>= netstandard2.0) (< xamarinios))
      System.Globalization.Extensions (>= 4.3) - restriction: && (< monoandroid) (< net45) (>= netstandard2.0) (< xamarinios)
      System.IO (>= 4.3) - restriction: || (&& (>= dnxcore50) (>= net45)) (&& (>= dnxcore50) (>= netstandard2.0)) (&& (< monoandroid) (< net45) (< netstandard1.3) (>= netstandard2.0) (< win8) (< wpa81)) (&& (< monoandroid) (< net45) (< netstandard1.6) (>= netstandard2.0) (< win8) (< wpa81)) (&& (< monoandroid) (< net45) (>= netstandard2.0) (< xamarinios))
      System.IO.FileSystem (>= 4.3) - restriction: && (< monoandroid) (< net45) (>= netstandard2.0) (< xamarinios)
      System.Net.Primitives (>= 4.3) - restriction: || (&& (>= dnxcore50) (>= net45)) (&& (>= dnxcore50) (>= netstandard2.0)) (&& (< monoandroid) (< net45) (< netstandard1.3) (>= netstandard2.0) (< win8) (< wpa81)) (&& (< monoandroid) (< net45) (< netstandard1.6) (>= netstandard2.0) (< win8) (< wpa81)) (&& (< monoandroid) (< net45) (>= netstandard2.0) (< xamarinios))
      System.Resources.ResourceManager (>= 4.3) - restriction: || (&& (>= dnxcore50) (>= net45)) (&& (>= dnxcore50) (>= netstandard2.0)) (&& (< monoandroid) (< net45) (< netstandard1.6) (>= netstandard2.0) (< win8) (< wpa81)) (&& (< monoandroid) (< net45) (>= netstandard2.0) (< xamarinios))
      System.Runtime (>= 4.3) - restriction: || (&& (>= dnxcore50) (>= net45)) (&& (>= dnxcore50) (>= netstandard2.0)) (&& (< monoandroid) (< net45) (< netstandard1.3) (>= netstandard2.0) (< win8) (< wpa81)) (&& (< monoandroid) (< net45) (< netstandard1.6) (>= netstandard2.0) (< win8) (< wpa81)) (&& (< monoandroid) (< net45) (>= netstandard2.0) (< xamarinios))
      System.Runtime.Extensions (>= 4.3) - restriction: || (&& (>= dnxcore50) (>= net45)) (&& (>= dnxcore50) (>= netstandard2.0)) (&& (< monoandroid) (< net45) (< netstandard1.6) (>= netstandard2.0) (< win8) (< wpa81)) (&& (< monoandroid) (< net45) (>= netstandard2.0) (< xamarinios))
      System.Runtime.Handles (>= 4.3) - restriction: || (&& (< monoandroid) (< net45) (< netstandard1.6) (>= netstandard2.0) (< win8) (< wpa81)) (&& (< monoandroid) (< net45) (>= netstandard2.0) (< xamarinios))
      System.Runtime.InteropServices (>= 4.3) - restriction: || (&& (>= dnxcore50) (>= net45)) (&& (>= dnxcore50) (>= netstandard2.0)) (&& (< monoandroid) (< net45) (< netstandard1.6) (>= netstandard2.0) (< win8) (< wpa81)) (&& (< monoandroid) (< net45) (>= netstandard2.0) (< xamarinios))
      System.Security.Cryptography.Algorithms (>= 4.3) - restriction: && (< monoandroid) (< net45) (>= netstandard2.0) (< xamarinios)
      System.Security.Cryptography.Encoding (>= 4.3) - restriction: || (&& (< monoandroid) (< net45) (< netstandard1.6) (>= netstandard2.0) (< win8) (< wpa81)) (&& (< monoandroid) (< net45) (>= netstandard2.0) (< xamarinios))
      System.Security.Cryptography.OpenSsl (>= 4.3) - restriction: && (< monoandroid) (< net45) (>= netstandard2.0) (< xamarinios)
      System.Security.Cryptography.Primitives (>= 4.3) - restriction: && (< monoandroid) (< net45) (>= netstandard2.0) (< xamarinios)
      System.Security.Cryptography.X509Certificates (>= 4.3) - restriction: || (&& (>= dnxcore50) (>= net45)) (&& (>= dnxcore50) (>= netstandard2.0)) (&& (< monoandroid) (< net45) (< netstandard1.6) (>= netstandard2.0) (< win8) (< wpa81)) (&& (< monoandroid) (< net45) (>= netstandard2.0) (< xamarinios)) (>= net46)
      System.Text.Encoding (>= 4.3) - restriction: || (&& (>= dnxcore50) (>= net45)) (&& (>= dnxcore50) (>= netstandard2.0)) (&& (< monoandroid) (< net45) (< netstandard1.3) (>= netstandard2.0) (< win8) (< wpa81)) (&& (< monoandroid) (< net45) (< netstandard1.6) (>= netstandard2.0) (< win8) (< wpa81)) (&& (< monoandroid) (< net45) (>= netstandard2.0) (< xamarinios))
      System.Threading (>= 4.3) - restriction: || (&& (>= dnxcore50) (>= net45)) (&& (>= dnxcore50) (>= netstandard2.0)) (&& (< monoandroid) (< net45) (< netstandard1.6) (>= netstandard2.0) (< win8) (< wpa81)) (&& (< monoandroid) (< net45) (>= netstandard2.0) (< xamarinios))
      System.Threading.Tasks (>= 4.3) - restriction: || (&& (>= dnxcore50) (>= net45)) (&& (>= dnxcore50) (>= netstandard2.0)) (&& (< monoandroid) (< net45) (< netstandard1.3) (>= netstandard2.0) (< win8) (< wpa81)) (&& (< monoandroid) (< net45) (< netstandard1.6) (>= netstandard2.0) (< win8) (< wpa81)) (&& (< monoandroid) (< net45) (>= netstandard2.0) (< xamarinios))
    System.Net.Primitives (4.3) - restriction: || (&& (>= dnxcore50) (>= net45) (>= netstandard1.6)) (&& (>= dnxcore50) (>= netstandard2.0)) (&& (< monoandroid) (< net45) (>= netstandard2.0) (< win8) (< wpa81) (< xamarinios)) (&& (< monoandroid) (< netstandard1.1) (>= netstandard2.0) (< win8)) (&& (>= net45) (< netstandard1.1) (>= netstandard1.6)) (&& (>= net45) (< netstandard1.1) (>= netstandard2.0)) (&& (>= net45) (>= netstandard1.6) (< portable-net45+win8+wpa81)) (&& (>= net45) (>= netstandard1.6) (>= uap10.0)) (&& (< net45) (< netstandard1.2) (>= netstandard2.0) (< win8)) (&& (< net45) (< netstandard1.3) (>= netstandard2.0) (< win8) (< wpa81)) (&& (< net45) (< netstandard1.4) (>= netstandard2.0) (< win8) (< wpa81)) (&& (< net45) (< netstandard1.5) (>= netstandard2.0) (< win8) (< wpa81)) (&& (< net45) (< netstandard1.6) (>= netstandard2.0) (< win8) (< wpa81)) (&& (>= netstandard2.0) (< portable-net45+win8+wpa81)) (&& (>= netstandard2.0) (>= uap10.0))
    System.Net.Requests (4.0.11) - restriction: || (&& (>= net45) (>= netstandard1.6)) (>= netstandard2.0)
      Microsoft.NETCore.Platforms (>= 1.0.1) - restriction: && (< monoandroid) (< net45) (>= netstandard2.0) (< win8) (< wpa81) (< xamarinios)
      System.Collections (>= 4.0.11) - restriction: && (< monoandroid) (< net45) (>= netstandard2.0) (< win8) (< wpa81) (< xamarinios)
      System.Diagnostics.Debug (>= 4.0.11) - restriction: && (< monoandroid) (< net45) (>= netstandard2.0) (< win8) (< wpa81) (< xamarinios)
      System.Diagnostics.Tracing (>= 4.1) - restriction: && (< monoandroid) (< net45) (>= netstandard2.0) (< win8) (< wpa81) (< xamarinios)
      System.Globalization (>= 4.0.11) - restriction: && (< monoandroid) (< net45) (>= netstandard2.0) (< win8) (< wpa81) (< xamarinios)
      System.IO (>= 4.1) - restriction: || (&& (>= dnxcore50) (>= net45)) (&& (>= dnxcore50) (>= netstandard2.0)) (&& (< monoandroid) (< net45) (< netstandard1.3) (>= netstandard2.0) (< win8) (< wpa81)) (&& (< monoandroid) (< net45) (>= netstandard2.0) (< win8) (< wpa81) (< xamarinios)) (&& (< monoandroid) (< netstandard1.1) (>= netstandard2.0) (< win8)) (&& (>= net45) (< netstandard1.1))
      System.Net.Http (>= 4.1) - restriction: && (< monoandroid) (< net45) (>= netstandard2.0) (< win8) (< wpa81) (< xamarinios)
      System.Net.Primitives (>= 4.0.11) - restriction: || (&& (>= dnxcore50) (>= net45)) (&& (>= dnxcore50) (>= netstandard2.0)) (&& (< monoandroid) (< net45) (< netstandard1.3) (>= netstandard2.0) (< win8) (< wpa81)) (&& (< monoandroid) (< net45) (>= netstandard2.0) (< win8) (< wpa81) (< xamarinios)) (&& (< monoandroid) (< netstandard1.1) (>= netstandard2.0) (< win8)) (&& (>= net45) (< netstandard1.1))
      System.Net.WebHeaderCollection (>= 4.0.1) - restriction: || (&& (>= dnxcore50) (>= net45)) (&& (>= dnxcore50) (>= netstandard2.0)) (&& (< monoandroid) (< net45) (>= netstandard2.0) (< win8) (< wpa81) (< xamarinios))
      System.Resources.ResourceManager (>= 4.0.1) - restriction: && (< monoandroid) (< net45) (>= netstandard2.0) (< win8) (< wpa81) (< xamarinios)
      System.Runtime (>= 4.1) - restriction: || (&& (>= dnxcore50) (>= net45)) (&& (>= dnxcore50) (>= netstandard2.0)) (&& (< monoandroid) (< net45) (< netstandard1.3) (>= netstandard2.0) (< win8) (< wpa81)) (&& (< monoandroid) (< net45) (>= netstandard2.0) (< win8) (< wpa81) (< xamarinios)) (&& (< monoandroid) (< netstandard1.1) (>= netstandard2.0) (< win8)) (&& (>= net45) (< netstandard1.1))
      System.Threading (>= 4.0.11) - restriction: && (< monoandroid) (< net45) (>= netstandard2.0) (< win8) (< wpa81) (< xamarinios)
      System.Threading.Tasks (>= 4.0.11) - restriction: || (&& (>= dnxcore50) (>= net45)) (&& (>= dnxcore50) (>= netstandard2.0)) (&& (< monoandroid) (< net45) (< netstandard1.3) (>= netstandard2.0) (< win8) (< wpa81)) (&& (< monoandroid) (< net45) (>= netstandard2.0) (< win8) (< wpa81) (< xamarinios))
    System.Net.Sockets (4.3) - restriction: || (&& (>= net45) (>= netstandard1.6) (>= uap10.0)) (&& (< net45) (< netstandard1.4) (>= netstandard2.0) (< win8) (< wpa81)) (&& (< net45) (< netstandard1.5) (>= netstandard2.0) (< win8) (< wpa81)) (&& (< net45) (< netstandard1.6) (>= netstandard2.0) (< win8) (< wpa81)) (&& (>= net46) (< netstandard1.4) (>= netstandard1.6)) (&& (>= net46) (< netstandard1.4) (>= netstandard2.0)) (&& (>= netstandard2.0) (>= uap10.0))
      Microsoft.NETCore.Platforms (>= 1.1) - restriction: || (&& (< monoandroid) (< net46) (>= netstandard2.0) (< xamarinios)) (&& (>= net45) (< net46) (>= netstandard1.3))
      Microsoft.NETCore.Targets (>= 1.1) - restriction: || (&& (< monoandroid) (< net46) (>= netstandard2.0) (< xamarinios)) (&& (>= net45) (< net46) (>= netstandard1.3))
      System.IO (>= 4.3) - restriction: || (&& (< monoandroid) (< net46) (>= netstandard2.0) (< xamarinios)) (&& (>= net45) (< net46) (>= netstandard1.3))
      System.Net.Primitives (>= 4.3) - restriction: || (&& (< monoandroid) (< net46) (>= netstandard2.0) (< xamarinios)) (&& (>= net45) (< net46) (>= netstandard1.3))
      System.Runtime (>= 4.3) - restriction: || (&& (< monoandroid) (< net46) (>= netstandard2.0) (< xamarinios)) (&& (>= net45) (< net46) (>= netstandard1.3))
      System.Threading.Tasks (>= 4.3) - restriction: || (&& (< monoandroid) (< net46) (>= netstandard2.0) (< xamarinios)) (&& (>= net45) (< net46) (>= netstandard1.3))
    System.Net.WebHeaderCollection (4.0.1) - restriction: || (&& (>= dnxcore50) (>= net45) (>= netstandard1.6)) (&& (>= dnxcore50) (>= netstandard2.0)) (&& (< monoandroid) (< net45) (>= netstandard2.0) (< win8) (< wpa81) (< xamarinios))
      System.Collections (>= 4.0.11) - restriction: || (&& (< monoandroid) (< net46) (>= netstandard2.0) (< xamarinios)) (&& (>= net45) (< net46) (>= netstandard1.3))
      System.Resources.ResourceManager (>= 4.0.1) - restriction: || (&& (< monoandroid) (< net46) (>= netstandard2.0) (< xamarinios)) (&& (>= net45) (< net46) (>= netstandard1.3))
      System.Runtime (>= 4.1) - restriction: || (&& (< monoandroid) (< net46) (>= netstandard2.0) (< xamarinios)) (&& (>= net45) (< net46) (>= netstandard1.3))
      System.Runtime.Extensions (>= 4.1) - restriction: || (&& (< monoandroid) (< net46) (>= netstandard2.0) (< xamarinios)) (&& (>= net45) (< net46) (>= netstandard1.3))
    System.Numerics.Vectors (4.4) - restriction: || (&& (< net45) (< netcoreapp2.0) (>= netstandard2.0) (< xamarinios)) (&& (< net46) (>= net461) (>= netstandard2.0))
    System.ObjectModel (4.3) - restriction: || (&& (< monoandroid) (< net45) (>= netstandard2.0) (< win8) (< wpa81) (< xamarinios)) (&& (>= net45) (>= netstandard1.6) (< portable-net45+win8+wpa81)) (&& (>= net45) (>= netstandard1.6) (>= uap10.0)) (&& (< net45) (< netstandard1.2) (>= netstandard2.0) (< win8)) (&& (< net45) (< netstandard1.3) (>= netstandard2.0) (< win8) (< wpa81)) (&& (< net45) (< netstandard1.4) (>= netstandard2.0) (< win8) (< wpa81)) (&& (< net45) (< netstandard1.5) (>= netstandard2.0) (< win8) (< wpa81)) (&& (< net45) (< netstandard1.6) (>= netstandard2.0) (< win8) (< wpa81)) (&& (>= netstandard2.0) (< portable-net45+win8+wpa81)) (&& (>= netstandard2.0) (>= uap10.0))
    System.Reflection (4.3) - restriction: || (&& (>= net45) (>= netstandard1.6)) (>= netstandard2.0)
      Microsoft.NETCore.Platforms (>= 1.1) - restriction: || (&& (>= dnxcore50) (>= net45)) (&& (>= dnxcore50) (>= netstandard2.0)) (&& (< monoandroid) (< net45) (< netstandard1.3) (>= netstandard2.0) (< win8) (< wpa81)) (&& (< monoandroid) (< net45) (< netstandard1.5) (>= netstandard2.0) (< win8) (< wpa81)) (&& (< monoandroid) (< net45) (>= netstandard2.0) (< win8) (< wpa81) (< xamarinios))
      Microsoft.NETCore.Targets (>= 1.1) - restriction: || (&& (>= dnxcore50) (>= net45)) (&& (>= dnxcore50) (>= netstandard2.0)) (&& (< monoandroid) (< net45) (< netstandard1.3) (>= netstandard2.0) (< win8) (< wpa81)) (&& (< monoandroid) (< net45) (< netstandard1.5) (>= netstandard2.0) (< win8) (< wpa81)) (&& (< monoandroid) (< net45) (>= netstandard2.0) (< win8) (< wpa81) (< xamarinios))
      System.IO (>= 4.3) - restriction: || (&& (>= dnxcore50) (>= net45)) (&& (>= dnxcore50) (>= netstandard2.0)) (&& (< monoandroid) (< net45) (< netstandard1.3) (>= netstandard2.0) (< win8) (< wpa81)) (&& (< monoandroid) (< net45) (< netstandard1.5) (>= netstandard2.0) (< win8) (< wpa81)) (&& (< monoandroid) (< net45) (>= netstandard2.0) (< win8) (< wpa81) (< xamarinios))
      System.Reflection.Primitives (>= 4.3) - restriction: || (&& (>= dnxcore50) (>= net45)) (&& (>= dnxcore50) (>= netstandard2.0)) (&& (< monoandroid) (< net45) (< netstandard1.3) (>= netstandard2.0) (< win8) (< wpa81)) (&& (< monoandroid) (< net45) (< netstandard1.5) (>= netstandard2.0) (< win8) (< wpa81)) (&& (< monoandroid) (< net45) (>= netstandard2.0) (< win8) (< wpa81) (< xamarinios))
      System.Runtime (>= 4.3) - restriction: || (&& (>= dnxcore50) (>= net45)) (&& (>= dnxcore50) (>= netstandard2.0)) (&& (< monoandroid) (< net45) (< netstandard1.3) (>= netstandard2.0) (< win8) (< wpa81)) (&& (< monoandroid) (< net45) (< netstandard1.5) (>= netstandard2.0) (< win8) (< wpa81)) (&& (< monoandroid) (< net45) (>= netstandard2.0) (< win8) (< wpa81) (< xamarinios))
    System.Reflection.Emit (4.3) - restriction: && (< monoandroid) (< net45) (>= netstandard2.0) (< win8) (< wpa81) (< xamarinios)
      System.IO (>= 4.3) - restriction: && (< monoandroid) (< net45) (>= netstandard2.0) (< xamarinios)
      System.Reflection (>= 4.3) - restriction: && (< monoandroid) (< net45) (>= netstandard2.0) (< xamarinios)
      System.Reflection.Emit.ILGeneration (>= 4.3) - restriction: && (< monoandroid) (< net45) (>= netstandard2.0) (< xamarinios)
      System.Reflection.Primitives (>= 4.3) - restriction: && (< monoandroid) (< net45) (>= netstandard2.0) (< xamarinios)
      System.Runtime (>= 4.3) - restriction: && (< monoandroid) (< net45) (>= netstandard2.0) (< xamarinios)
    System.Reflection.Emit.ILGeneration (4.3) - restriction: || (&& (>= dnxcore50) (>= net45) (>= netstandard1.6)) (&& (>= dnxcore50) (>= netstandard2.0)) (&& (< monoandroid) (< net45) (>= netstandard2.0) (< win8) (< wpa81) (< xamarinios))
      System.Reflection (>= 4.3) - restriction: && (< monoandroid) (< net45) (>= netstandard2.0) (< xamarinios)
      System.Reflection.Primitives (>= 4.3) - restriction: && (< monoandroid) (< net45) (>= netstandard2.0) (< xamarinios)
      System.Runtime (>= 4.3) - restriction: && (< monoandroid) (< net45) (>= netstandard2.0) (< xamarinios)
    System.Reflection.Emit.Lightweight (4.3) - restriction: || (&& (>= dnxcore50) (>= net45) (>= netstandard1.6)) (&& (>= dnxcore50) (>= netstandard2.0)) (&& (< monoandroid) (< net45) (>= netstandard2.0) (< win8) (< wpa81) (< xamarinios))
      System.Reflection (>= 4.3) - restriction: && (< monoandroid) (< net45) (>= netstandard2.0) (< xamarinios)
      System.Reflection.Emit.ILGeneration (>= 4.3) - restriction: && (< monoandroid) (< net45) (>= netstandard2.0) (< xamarinios)
      System.Reflection.Primitives (>= 4.3) - restriction: && (< monoandroid) (< net45) (>= netstandard2.0) (< xamarinios)
      System.Runtime (>= 4.3) - restriction: && (< monoandroid) (< net45) (>= netstandard2.0) (< xamarinios)
    System.Reflection.Extensions (4.3) - restriction: || (&& (>= net45) (>= netstandard1.6)) (>= netstandard2.0)
      Microsoft.NETCore.Platforms (>= 1.1) - restriction: || (&& (>= dnxcore50) (>= net45)) (&& (>= dnxcore50) (>= netstandard2.0)) (&& (< monoandroid) (< net45) (>= netstandard2.0) (< win8) (< wpa81) (< xamarinios))
      Microsoft.NETCore.Targets (>= 1.1) - restriction: || (&& (>= dnxcore50) (>= net45)) (&& (>= dnxcore50) (>= netstandard2.0)) (&& (< monoandroid) (< net45) (>= netstandard2.0) (< win8) (< wpa81) (< xamarinios))
      System.Reflection (>= 4.3) - restriction: || (&& (>= dnxcore50) (>= net45)) (&& (>= dnxcore50) (>= netstandard2.0)) (&& (< monoandroid) (< net45) (>= netstandard2.0) (< win8) (< wpa81) (< xamarinios))
      System.Runtime (>= 4.3) - restriction: || (&& (>= dnxcore50) (>= net45)) (&& (>= dnxcore50) (>= netstandard2.0)) (&& (< monoandroid) (< net45) (>= netstandard2.0) (< win8) (< wpa81) (< xamarinios))
    System.Reflection.Primitives (4.3) - restriction: || (&& (>= dnxcore50) (>= net45) (>= netstandard1.6)) (&& (>= dnxcore50) (>= netstandard2.0)) (&& (< monoandroid) (< net45) (>= netstandard2.0) (< win8) (< wpa81) (< xamarinios)) (&& (>= net45) (>= netstandard1.6) (< portable-net45+win8+wpa81)) (&& (>= net45) (>= netstandard1.6) (>= uap10.0)) (&& (< net45) (< netstandard1.2) (>= netstandard2.0) (< win8)) (&& (< net45) (< netstandard1.3) (>= netstandard2.0) (< win8) (< wpa81)) (&& (< net45) (< netstandard1.4) (>= netstandard2.0) (< win8) (< wpa81)) (&& (< net45) (< netstandard1.5) (>= netstandard2.0) (< win8) (< wpa81)) (&& (< net45) (< netstandard1.6) (>= netstandard2.0) (< win8) (< wpa81)) (&& (>= netstandard2.0) (< portable-net45+win8+wpa81)) (&& (>= netstandard2.0) (>= uap10.0))
    System.Reflection.TypeExtensions (4.3) - restriction: || (&& (>= dnxcore50) (>= net45) (>= netstandard1.6)) (&& (>= dnxcore50) (>= netstandard2.0)) (&& (< monoandroid) (< net45) (>= netstandard2.0) (< win8) (< wpa81) (< xamarinios))
      System.Reflection (>= 4.3) - restriction: || (&& (>= dnxcore50) (>= net45)) (&& (>= dnxcore50) (>= netstandard2.0)) (&& (< monoandroid) (< net46) (< netstandard1.5) (>= netstandard2.0)) (&& (< monoandroid) (< net46) (>= netstandard2.0) (< xamarinios)) (&& (>= net45) (< net46) (>= netstandard1.3) (< netstandard1.5)) (&& (>= net45) (< net46) (>= netstandard1.5)) (>= net462)
      System.Runtime (>= 4.3) - restriction: || (&& (>= dnxcore50) (>= net45)) (&& (>= dnxcore50) (>= netstandard2.0)) (&& (< monoandroid) (< net46) (< netstandard1.5) (>= netstandard2.0)) (&& (< monoandroid) (< net46) (>= netstandard2.0) (< xamarinios)) (&& (>= net45) (< net46) (>= netstandard1.3) (< netstandard1.5)) (&& (>= net45) (< net46) (>= netstandard1.5))
    System.Resources.ResourceManager (4.3) - restriction: || (&& (>= net45) (>= netstandard1.6)) (>= netstandard2.0)
      Microsoft.NETCore.Platforms (>= 1.1) - restriction: || (&& (>= dnxcore50) (>= net45)) (&& (>= dnxcore50) (>= netstandard2.0)) (&& (< monoandroid) (< net45) (>= netstandard2.0) (< win8) (< wpa81) (< xamarinios))
      Microsoft.NETCore.Targets (>= 1.1) - restriction: || (&& (>= dnxcore50) (>= net45)) (&& (>= dnxcore50) (>= netstandard2.0)) (&& (< monoandroid) (< net45) (>= netstandard2.0) (< win8) (< wpa81) (< xamarinios))
      System.Globalization (>= 4.3) - restriction: || (&& (>= dnxcore50) (>= net45)) (&& (>= dnxcore50) (>= netstandard2.0)) (&& (< monoandroid) (< net45) (>= netstandard2.0) (< win8) (< wpa81) (< xamarinios))
      System.Reflection (>= 4.3) - restriction: || (&& (>= dnxcore50) (>= net45)) (&& (>= dnxcore50) (>= netstandard2.0)) (&& (< monoandroid) (< net45) (>= netstandard2.0) (< win8) (< wpa81) (< xamarinios))
      System.Runtime (>= 4.3) - restriction: || (&& (>= dnxcore50) (>= net45)) (&& (>= dnxcore50) (>= netstandard2.0)) (&& (< monoandroid) (< net45) (>= netstandard2.0) (< win8) (< wpa81) (< xamarinios))
    System.Runtime (4.3)
      Microsoft.NETCore.Platforms (>= 1.1) - restriction: || (&& (>= dnxcore50) (>= net45)) (&& (>= dnxcore50) (>= netstandard2.0)) (&& (< monoandroid) (< net45) (< netstandard1.2) (>= netstandard2.0) (< win8)) (&& (< monoandroid) (< net45) (< netstandard1.3) (>= netstandard2.0) (< win8) (< wpa81)) (&& (< monoandroid) (< net45) (< netstandard1.5) (>= netstandard2.0) (< win8) (< wpa81)) (&& (< monoandroid) (< net45) (>= netstandard2.0) (< win8) (< wpa81) (< xamarinios))
      Microsoft.NETCore.Targets (>= 1.1) - restriction: || (&& (>= dnxcore50) (>= net45)) (&& (>= dnxcore50) (>= netstandard2.0)) (&& (< monoandroid) (< net45) (< netstandard1.2) (>= netstandard2.0) (< win8)) (&& (< monoandroid) (< net45) (< netstandard1.3) (>= netstandard2.0) (< win8) (< wpa81)) (&& (< monoandroid) (< net45) (< netstandard1.5) (>= netstandard2.0) (< win8) (< wpa81)) (&& (< monoandroid) (< net45) (>= netstandard2.0) (< win8) (< wpa81) (< xamarinios))
    System.Runtime.CompilerServices.Unsafe (4.5) - restriction: || (&& (< monoandroid) (< netstandard1.1) (>= netstandard2.0) (< win8)) (&& (>= net45) (>= netcoreapp2.0)) (&& (>= net45) (< netstandard1.1) (>= netstandard2.0)) (&& (< net45) (< netcoreapp2.0) (>= netstandard2.0) (< xamarinios)) (&& (< net46) (>= net461) (>= netstandard2.0)) (&& (>= netcoreapp2.0) (< netcoreapp2.1)) (&& (< netstandard1.1) (>= netstandard2.0) (>= win8)) (&& (>= netstandard2.0) (>= uap10.1))
    System.Runtime.Extensions (4.3) - restriction: || (&& (>= net45) (>= netstandard1.6)) (>= netstandard2.0)
      Microsoft.NETCore.Platforms (>= 1.1) - restriction: || (&& (>= dnxcore50) (>= net45)) (&& (>= dnxcore50) (>= netstandard2.0)) (&& (< monoandroid) (< net45) (< netstandard1.3) (>= netstandard2.0) (< win8) (< wpa81)) (&& (< monoandroid) (< net45) (< netstandard1.5) (>= netstandard2.0) (< win8) (< wpa81)) (&& (< monoandroid) (< net45) (>= netstandard2.0) (< win8) (< wpa81) (< xamarinios))
      Microsoft.NETCore.Targets (>= 1.1) - restriction: || (&& (>= dnxcore50) (>= net45)) (&& (>= dnxcore50) (>= netstandard2.0)) (&& (< monoandroid) (< net45) (< netstandard1.3) (>= netstandard2.0) (< win8) (< wpa81)) (&& (< monoandroid) (< net45) (< netstandard1.5) (>= netstandard2.0) (< win8) (< wpa81)) (&& (< monoandroid) (< net45) (>= netstandard2.0) (< win8) (< wpa81) (< xamarinios))
      System.Runtime (>= 4.3) - restriction: || (&& (>= dnxcore50) (>= net45)) (&& (>= dnxcore50) (>= netstandard2.0)) (&& (< monoandroid) (< net45) (< netstandard1.3) (>= netstandard2.0) (< win8) (< wpa81)) (&& (< monoandroid) (< net45) (< netstandard1.5) (>= netstandard2.0) (< win8) (< wpa81)) (&& (< monoandroid) (< net45) (>= netstandard2.0) (< win8) (< wpa81) (< xamarinios))
    System.Runtime.Handles (4.3) - restriction: || (&& (< monoandroid) (< net46) (>= netstandard2.0) (< xamarinios)) (&& (>= net45) (< net46) (>= netstandard1.6)) (&& (>= net45) (< net46) (>= netstandard2.0)) (&& (>= net45) (>= netstandard1.6) (>= uap10.0)) (&& (< net45) (< netstandard1.4) (>= netstandard2.0) (< win8) (< wpa81)) (&& (< net45) (< netstandard1.5) (>= netstandard2.0) (< win8) (< wpa81)) (&& (< net45) (< netstandard1.6) (>= netstandard2.0) (< win8) (< wpa81)) (&& (>= netstandard2.0) (>= uap10.0))
      Microsoft.NETCore.Platforms (>= 1.1) - restriction: || (&& (< monoandroid) (< net46) (>= netstandard2.0) (< xamarinios)) (&& (>= net45) (< net46) (>= netstandard1.3))
      Microsoft.NETCore.Targets (>= 1.1) - restriction: || (&& (< monoandroid) (< net46) (>= netstandard2.0) (< xamarinios)) (&& (>= net45) (< net46) (>= netstandard1.3))
      System.Runtime (>= 4.3) - restriction: || (&& (< monoandroid) (< net46) (>= netstandard2.0) (< xamarinios)) (&& (>= net45) (< net46) (>= netstandard1.3))
    System.Runtime.InteropServices (4.3) - restriction: || (&& (>= net45) (>= netstandard1.6) (>= uap10.0)) (&& (< net45) (< netstandard1.2) (>= netstandard2.0) (< win8)) (&& (< net45) (< netstandard1.3) (>= netstandard2.0) (< win8) (< wpa81)) (&& (< net45) (< netstandard1.4) (>= netstandard2.0) (< win8) (< wpa81)) (&& (< net45) (< netstandard1.5) (>= netstandard2.0) (< win8) (< wpa81)) (&& (< net45) (< netstandard1.6) (>= netstandard2.0) (< win8) (< wpa81)) (&& (>= netstandard2.0) (>= uap10.0))
    System.Runtime.InteropServices.RuntimeInformation (4.3) - restriction: || (&& (>= net45) (< netstandard1.0) (>= netstandard1.6)) (&& (>= net45) (< netstandard1.0) (>= netstandard2.0)) (&& (>= net45) (< netstandard1.3) (>= netstandard1.6)) (&& (>= net45) (< netstandard1.3) (>= netstandard2.0)) (&& (>= net45) (>= netstandard1.6) (>= uap10.0)) (&& (< net45) (< netstandard1.2) (>= netstandard2.0) (< win8)) (&& (< net45) (< netstandard1.3) (>= netstandard2.0) (< win8) (< wpa81)) (&& (< net45) (< netstandard1.4) (>= netstandard2.0) (< win8) (< wpa81)) (&& (< net45) (< netstandard1.5) (>= netstandard2.0) (< win8) (< wpa81)) (&& (< net45) (< netstandard1.6) (>= netstandard2.0) (< win8) (< wpa81)) (&& (>= net46) (< netstandard1.4) (>= netstandard1.6)) (&& (>= net46) (< netstandard1.4) (>= netstandard2.0)) (&& (< netstandard1.0) (>= netstandard2.0) (< portable-net45+win8)) (&& (< netstandard1.0) (>= netstandard2.0) (>= win8)) (&& (< netstandard1.0) (>= netstandard2.0) (< win8)) (&& (< netstandard1.3) (>= netstandard2.0) (< win8) (>= wpa81)) (&& (>= netstandard2.0) (>= uap10.0))
    System.Runtime.Numerics (4.3) - restriction: || (&& (>= net45) (>= netstandard1.6)) (>= netstandard2.0)
      System.Globalization (>= 4.3) - restriction: || (&& (>= dnxcore50) (>= net45)) (&& (>= dnxcore50) (>= netstandard2.0)) (&& (< monoandroid) (< net45) (>= netstandard2.0) (< win8) (< wpa81) (< xamarinios))
      System.Resources.ResourceManager (>= 4.3) - restriction: || (&& (>= dnxcore50) (>= net45)) (&& (>= dnxcore50) (>= netstandard2.0)) (&& (< monoandroid) (< net45) (>= netstandard2.0) (< win8) (< wpa81) (< xamarinios))
      System.Runtime (>= 4.3) - restriction: || (&& (>= dnxcore50) (>= net45)) (&& (>= dnxcore50) (>= netstandard2.0)) (&& (< monoandroid) (< net45) (< netstandard1.3) (>= netstandard2.0) (< win8) (< wpa81)) (&& (< monoandroid) (< net45) (>= netstandard2.0) (< win8) (< wpa81) (< xamarinios))
      System.Runtime.Extensions (>= 4.3) - restriction: || (&& (>= dnxcore50) (>= net45)) (&& (>= dnxcore50) (>= netstandard2.0)) (&& (< monoandroid) (< net45) (>= netstandard2.0) (< win8) (< wpa81) (< xamarinios))
    System.Security.AccessControl (4.5) - restriction: || (>= net461) (>= netstandard2.0)
      Microsoft.NETCore.Platforms (>= 2.0) - restriction: >= netcoreapp2.0
      System.Security.Principal.Windows (>= 4.5) - restriction: || (&& (< net46) (>= netstandard2.0)) (>= net461) (>= netcoreapp2.0)
    System.Security.Cryptography.Algorithms (4.3.1) - restriction: || (&& (>= net45) (>= netstandard1.6) (>= uap10.0)) (&& (< net45) (< netstandard1.4) (>= netstandard2.0) (< win8) (< wpa81)) (&& (< net45) (< netstandard1.5) (>= netstandard2.0) (< win8) (< wpa81)) (&& (< net45) (< netstandard1.6) (>= netstandard2.0) (< win8) (< wpa81)) (&& (>= net46) (< netstandard1.4) (>= netstandard1.6)) (&& (>= net46) (< netstandard1.4) (>= netstandard2.0)) (&& (>= netstandard2.0) (>= uap10.0))
      Microsoft.NETCore.Platforms (>= 1.1) - restriction: || (&& (>= dnxcore50) (>= net45)) (&& (>= dnxcore50) (>= netstandard2.0)) (&& (< monoandroid) (< net46) (>= netstandard2.0) (< xamarinios)) (&& (>= net45) (< net46) (>= netstandard1.6))
      runtime.native.System.Security.Cryptography.Apple (>= 4.3.1) - restriction: || (&& (< monoandroid) (< net46) (>= netstandard2.0) (< xamarinios)) (&& (>= net45) (< net46) (>= netstandard1.6))
      runtime.native.System.Security.Cryptography.OpenSsl (>= 4.3.2) - restriction: || (&& (< monoandroid) (< net46) (>= netstandard2.0) (< xamarinios)) (&& (>= net45) (< net46) (>= netstandard1.6))
      System.Collections (>= 4.3) - restriction: || (&& (< monoandroid) (< net46) (>= netstandard2.0) (< xamarinios)) (&& (>= net45) (< net46) (>= netstandard1.6))
      System.IO (>= 4.3) - restriction: || (&& (>= dnxcore50) (>= net45)) (&& (>= dnxcore50) (>= netstandard2.0)) (&& (< monoandroid) (< net46) (< netstandard1.4) (>= netstandard2.0)) (&& (< monoandroid) (< net46) (< netstandard1.6) (>= netstandard2.0)) (&& (< monoandroid) (< net46) (>= netstandard2.0) (< xamarinios)) (&& (>= net45) (< net46) (>= netstandard1.3) (< netstandard1.4)) (&& (>= net45) (< net46) (>= netstandard1.4) (< netstandard1.6)) (&& (>= net45) (< net46) (>= netstandard1.6)) (>= net463)
      System.Resources.ResourceManager (>= 4.3) - restriction: || (&& (>= dnxcore50) (>= net45)) (&& (>= dnxcore50) (>= netstandard2.0)) (&& (< monoandroid) (< net46) (>= netstandard2.0) (< xamarinios)) (&& (>= net45) (< net46) (>= netstandard1.6))
      System.Runtime (>= 4.3) - restriction: || (&& (>= dnxcore50) (>= net45)) (&& (>= dnxcore50) (>= netstandard2.0)) (&& (< monoandroid) (< net46) (< netstandard1.4) (>= netstandard2.0)) (&& (< monoandroid) (< net46) (< netstandard1.6) (>= netstandard2.0)) (&& (< monoandroid) (< net46) (>= netstandard2.0) (< xamarinios)) (&& (>= net45) (< net46) (>= netstandard1.3) (< netstandard1.4)) (&& (>= net45) (< net46) (>= netstandard1.4) (< netstandard1.6)) (&& (>= net45) (< net46) (>= netstandard1.6)) (>= net463)
      System.Runtime.Extensions (>= 4.3) - restriction: || (&& (>= dnxcore50) (>= net45)) (&& (>= dnxcore50) (>= netstandard2.0)) (&& (< monoandroid) (< net46) (>= netstandard2.0) (< xamarinios)) (&& (>= net45) (< net46) (>= netstandard1.6))
      System.Runtime.Handles (>= 4.3) - restriction: || (&& (>= dnxcore50) (>= net45)) (&& (>= dnxcore50) (>= netstandard2.0)) (&& (< monoandroid) (< net46) (>= netstandard2.0) (< xamarinios)) (&& (>= net45) (< net46) (>= netstandard1.6))
      System.Runtime.InteropServices (>= 4.3) - restriction: || (&& (>= dnxcore50) (>= net45)) (&& (>= dnxcore50) (>= netstandard2.0)) (&& (< monoandroid) (< net46) (>= netstandard2.0) (< xamarinios)) (&& (>= net45) (< net46) (>= netstandard1.6))
      System.Runtime.Numerics (>= 4.3) - restriction: || (&& (< monoandroid) (< net46) (>= netstandard2.0) (< xamarinios)) (&& (>= net45) (< net46) (>= netstandard1.6))
      System.Security.Cryptography.Encoding (>= 4.3) - restriction: || (&& (>= dnxcore50) (>= net45)) (&& (>= dnxcore50) (>= netstandard2.0)) (&& (< monoandroid) (< net46) (>= netstandard2.0) (< xamarinios)) (&& (>= net45) (< net46) (>= netstandard1.6)) (>= net463)
      System.Security.Cryptography.Primitives (>= 4.3) - restriction: || (&& (>= dnxcore50) (>= net45)) (&& (>= dnxcore50) (>= netstandard2.0)) (&& (< monoandroid) (< net46) (< netstandard1.4) (>= netstandard2.0)) (&& (< monoandroid) (< net46) (< netstandard1.6) (>= netstandard2.0)) (&& (< monoandroid) (< net46) (>= netstandard2.0) (< xamarinios)) (&& (>= net45) (< net46) (>= netstandard1.3) (< netstandard1.4)) (&& (>= net45) (< net46) (>= netstandard1.4) (< netstandard1.6)) (&& (>= net45) (< net46) (>= netstandard1.6)) (&& (>= net46) (< netstandard1.4)) (&& (>= net461) (< netstandard1.6)) (>= net463)
      System.Text.Encoding (>= 4.3) - restriction: || (&& (>= dnxcore50) (>= net45)) (&& (>= dnxcore50) (>= netstandard2.0)) (&& (< monoandroid) (< net46) (>= netstandard2.0) (< xamarinios)) (&& (>= net45) (< net46) (>= netstandard1.6))
    System.Security.Cryptography.Cng (4.5) - restriction: || (&& (>= dnxcore50) (>= net46) (>= netstandard1.6)) (&& (>= dnxcore50) (>= netstandard2.0)) (&& (< monoandroid) (< net45) (< netstandard1.4) (>= netstandard2.0) (< win8) (< wpa81)) (&& (< monoandroid) (< net45) (< netstandard1.5) (>= netstandard2.0) (< win8) (< wpa81)) (&& (< monoandroid) (< net45) (< netstandard1.6) (>= netstandard2.0) (< win8) (< wpa81)) (&& (>= net45) (>= netstandard1.6) (>= uap10.0)) (&& (>= netstandard2.0) (>= uap10.0))
    System.Security.Cryptography.Csp (4.3) - restriction: || (&& (< monoandroid) (< net45) (< netstandard1.4) (>= netstandard2.0) (< win8) (< wpa81)) (&& (< monoandroid) (< net45) (< netstandard1.5) (>= netstandard2.0) (< win8) (< wpa81)) (&& (< monoandroid) (< net45) (< netstandard1.6) (>= netstandard2.0) (< win8) (< wpa81)) (&& (>= net45) (>= netstandard1.6) (>= uap10.0)) (&& (>= netstandard2.0) (>= uap10.0))
      Microsoft.NETCore.Platforms (>= 1.1) - restriction: || (&& (< monoandroid) (< net46) (>= netstandard2.0) (< xamarinios)) (&& (>= net45) (< net46) (>= netstandard1.3))
      System.IO (>= 4.3) - restriction: || (&& (< monoandroid) (< net46) (>= netstandard2.0) (< xamarinios)) (&& (>= net45) (< net46) (>= netstandard1.3))
      System.Reflection (>= 4.3) - restriction: || (&& (< monoandroid) (< net46) (>= netstandard2.0) (< xamarinios)) (&& (>= net45) (< net46) (>= netstandard1.3))
      System.Resources.ResourceManager (>= 4.3) - restriction: || (&& (< monoandroid) (< net46) (>= netstandard2.0) (< xamarinios)) (&& (>= net45) (< net46) (>= netstandard1.3))
      System.Runtime (>= 4.3) - restriction: || (&& (< monoandroid) (< net46) (>= netstandard2.0) (< xamarinios)) (&& (>= net45) (< net46) (>= netstandard1.3))
      System.Runtime.Extensions (>= 4.3) - restriction: || (&& (< monoandroid) (< net46) (>= netstandard2.0) (< xamarinios)) (&& (>= net45) (< net46) (>= netstandard1.3))
      System.Runtime.Handles (>= 4.3) - restriction: || (&& (< monoandroid) (< net46) (>= netstandard2.0) (< xamarinios)) (&& (>= net45) (< net46) (>= netstandard1.3))
      System.Runtime.InteropServices (>= 4.3) - restriction: || (&& (< monoandroid) (< net46) (>= netstandard2.0) (< xamarinios)) (&& (>= net45) (< net46) (>= netstandard1.3))
      System.Security.Cryptography.Algorithms (>= 4.3) - restriction: || (&& (< monoandroid) (>= netstandard2.0) (< xamarinios)) (&& (>= net45) (>= netstandard1.3)) (>= net46)
      System.Security.Cryptography.Encoding (>= 4.3) - restriction: || (&& (< monoandroid) (< net46) (>= netstandard2.0) (< xamarinios)) (&& (>= net45) (< net46) (>= netstandard1.3))
      System.Security.Cryptography.Primitives (>= 4.3) - restriction: || (&& (< monoandroid) (>= netstandard2.0) (< xamarinios)) (&& (>= net45) (>= netstandard1.3)) (>= net46)
      System.Text.Encoding (>= 4.3) - restriction: || (&& (< monoandroid) (< net46) (>= netstandard2.0) (< xamarinios)) (&& (>= net45) (< net46) (>= netstandard1.3))
      System.Threading (>= 4.3) - restriction: || (&& (< monoandroid) (< net46) (>= netstandard2.0) (< xamarinios)) (&& (>= net45) (< net46) (>= netstandard1.3))
    System.Security.Cryptography.Encoding (4.3) - restriction: || (&& (>= net45) (>= netstandard1.6) (>= uap10.0)) (&& (< net45) (< netstandard1.4) (>= netstandard2.0) (< win8) (< wpa81)) (&& (< net45) (< netstandard1.5) (>= netstandard2.0) (< win8) (< wpa81)) (&& (< net45) (< netstandard1.6) (>= netstandard2.0) (< win8) (< wpa81)) (&& (>= net46) (< netstandard1.4) (>= netstandard1.6)) (&& (>= net46) (< netstandard1.4) (>= netstandard2.0)) (&& (>= netstandard2.0) (>= uap10.0))
      Microsoft.NETCore.Platforms (>= 1.1) - restriction: || (&& (< monoandroid) (< net46) (>= netstandard2.0) (< xamarinios)) (&& (>= net45) (< net46) (>= netstandard1.3))
      runtime.native.System.Security.Cryptography.OpenSsl (>= 4.3) - restriction: || (&& (< monoandroid) (< net46) (>= netstandard2.0) (< xamarinios)) (&& (>= net45) (< net46) (>= netstandard1.3))
      System.Collections (>= 4.3) - restriction: || (&& (< monoandroid) (< net46) (>= netstandard2.0) (< xamarinios)) (&& (>= net45) (< net46) (>= netstandard1.3))
      System.Collections.Concurrent (>= 4.3) - restriction: || (&& (< monoandroid) (< net46) (>= netstandard2.0) (< xamarinios)) (&& (>= net45) (< net46) (>= netstandard1.3))
      System.Linq (>= 4.3) - restriction: || (&& (< monoandroid) (< net46) (>= netstandard2.0) (< xamarinios)) (&& (>= net45) (< net46) (>= netstandard1.3))
      System.Resources.ResourceManager (>= 4.3) - restriction: || (&& (< monoandroid) (< net46) (>= netstandard2.0) (< xamarinios)) (&& (>= net45) (< net46) (>= netstandard1.3))
      System.Runtime (>= 4.3) - restriction: || (&& (< monoandroid) (< net46) (>= netstandard2.0) (< xamarinios)) (&& (>= net45) (< net46) (>= netstandard1.3))
      System.Runtime.Extensions (>= 4.3) - restriction: || (&& (< monoandroid) (< net46) (>= netstandard2.0) (< xamarinios)) (&& (>= net45) (< net46) (>= netstandard1.3))
      System.Runtime.Handles (>= 4.3) - restriction: || (&& (< monoandroid) (< net46) (>= netstandard2.0) (< xamarinios)) (&& (>= net45) (< net46) (>= netstandard1.3))
      System.Runtime.InteropServices (>= 4.3) - restriction: || (&& (< monoandroid) (< net46) (>= netstandard2.0) (< xamarinios)) (&& (>= net45) (< net46) (>= netstandard1.3))
      System.Security.Cryptography.Primitives (>= 4.3) - restriction: || (&& (< monoandroid) (< net46) (>= netstandard2.0) (< xamarinios)) (&& (>= net45) (< net46) (>= netstandard1.3))
      System.Text.Encoding (>= 4.3) - restriction: || (&& (< monoandroid) (< net46) (>= netstandard2.0) (< xamarinios)) (&& (>= net45) (< net46) (>= netstandard1.3))
    System.Security.Cryptography.OpenSsl (4.5.1) - restriction: || (&& (< monoandroid) (< net45) (< netstandard1.2) (>= netstandard2.0) (< win8)) (&& (< monoandroid) (< net45) (< netstandard1.3) (>= netstandard2.0) (< win8) (< wpa81)) (&& (< monoandroid) (< net45) (< netstandard1.4) (>= netstandard2.0) (< win8) (< wpa81)) (&& (< monoandroid) (< net45) (< netstandard1.5) (>= netstandard2.0) (< win8) (< wpa81)) (&& (< monoandroid) (< net45) (< netstandard1.6) (>= netstandard2.0) (< win8) (< wpa81)) (&& (>= net45) (>= netstandard1.6) (>= uap10.0)) (&& (< net45) (>= net46) (< netstandard1.4) (>= netstandard1.6)) (&& (< net45) (>= net46) (< netstandard1.4) (>= netstandard2.0)) (&& (>= netstandard2.0) (>= uap10.0))
    System.Security.Cryptography.Primitives (4.3) - restriction: || (&& (>= net45) (>= netstandard1.6) (>= uap10.0)) (&& (< net45) (< netstandard1.4) (>= netstandard2.0) (< win8) (< wpa81)) (&& (< net45) (< netstandard1.5) (>= netstandard2.0) (< win8) (< wpa81)) (&& (< net45) (< netstandard1.6) (>= netstandard2.0) (< win8) (< wpa81)) (&& (>= net46) (< netstandard1.4) (>= netstandard1.6)) (&& (>= net46) (< netstandard1.4) (>= netstandard2.0)) (&& (>= netstandard2.0) (>= uap10.0))
      System.Diagnostics.Debug (>= 4.3) - restriction: || (&& (< monoandroid) (< net46) (>= netstandard2.0) (< xamarinios)) (&& (>= net45) (< net46) (>= netstandard1.3))
      System.Globalization (>= 4.3) - restriction: || (&& (< monoandroid) (< net46) (>= netstandard2.0) (< xamarinios)) (&& (>= net45) (< net46) (>= netstandard1.3))
      System.IO (>= 4.3) - restriction: || (&& (< monoandroid) (< net46) (>= netstandard2.0) (< xamarinios)) (&& (>= net45) (< net46) (>= netstandard1.3))
      System.Resources.ResourceManager (>= 4.3) - restriction: || (&& (< monoandroid) (< net46) (>= netstandard2.0) (< xamarinios)) (&& (>= net45) (< net46) (>= netstandard1.3))
      System.Runtime (>= 4.3) - restriction: || (&& (< monoandroid) (< net46) (>= netstandard2.0) (< xamarinios)) (&& (>= net45) (< net46) (>= netstandard1.3))
      System.Threading (>= 4.3) - restriction: || (&& (< monoandroid) (< net46) (>= netstandard2.0) (< xamarinios)) (&& (>= net45) (< net46) (>= netstandard1.3))
      System.Threading.Tasks (>= 4.3) - restriction: || (&& (< monoandroid) (< net46) (>= netstandard2.0) (< xamarinios)) (&& (>= net45) (< net46) (>= netstandard1.3))
    System.Security.Cryptography.ProtectedData (4.5) - restriction: || (&& (>= net45) (< net461) (>= netstandard2.0)) (&& (< net461) (>= netstandard2.0) (< xamarinios))
      System.Memory (>= 4.5) - restriction: || (&& (>= net45) (< net46) (>= netstandard2.0)) (&& (< net46) (< netcoreapp2.1) (>= netstandard2.0) (< xamarinios))
    System.Security.Cryptography.X509Certificates (4.3.2) - restriction: || (&& (>= net45) (>= netstandard1.6) (>= uap10.0)) (&& (< net45) (< netstandard1.4) (>= netstandard2.0) (< win8) (< wpa81)) (&& (< net45) (< netstandard1.5) (>= netstandard2.0) (< win8) (< wpa81)) (&& (< net45) (< netstandard1.6) (>= netstandard2.0) (< win8) (< wpa81)) (&& (>= net46) (< netstandard1.4) (>= netstandard1.6)) (&& (>= net46) (< netstandard1.4) (>= netstandard2.0)) (&& (>= netstandard2.0) (>= uap10.0))
      Microsoft.NETCore.Platforms (>= 1.1) - restriction: || (&& (>= dnxcore50) (>= net45)) (&& (>= dnxcore50) (>= netstandard2.0)) (&& (< monoandroid) (< net46) (>= netstandard2.0) (< xamarinios)) (&& (>= net45) (< net46) (>= netstandard1.6))
      runtime.native.System (>= 4.3) - restriction: || (&& (< monoandroid) (< net46) (>= netstandard2.0) (< xamarinios)) (&& (>= net45) (< net46) (>= netstandard1.6))
      runtime.native.System.Net.Http (>= 4.3) - restriction: || (&& (< monoandroid) (< net46) (>= netstandard2.0) (< xamarinios)) (&& (>= net45) (< net46) (>= netstandard1.6))
      runtime.native.System.Security.Cryptography.OpenSsl (>= 4.3.2) - restriction: || (&& (< monoandroid) (< net46) (>= netstandard2.0) (< xamarinios)) (&& (>= net45) (< net46) (>= netstandard1.6))
      System.Collections (>= 4.3) - restriction: || (&& (>= dnxcore50) (>= net45)) (&& (>= dnxcore50) (>= netstandard2.0)) (&& (< monoandroid) (< net46) (>= netstandard2.0) (< xamarinios)) (&& (>= net45) (< net46) (>= netstandard1.6))
      System.Diagnostics.Debug (>= 4.3) - restriction: || (&& (< monoandroid) (< net46) (>= netstandard2.0) (< xamarinios)) (&& (>= net45) (< net46) (>= netstandard1.6))
      System.Globalization (>= 4.3) - restriction: || (&& (>= dnxcore50) (>= net45)) (&& (>= dnxcore50) (>= netstandard2.0)) (&& (< monoandroid) (< net46) (>= netstandard2.0) (< xamarinios)) (&& (>= net45) (< net46) (>= netstandard1.6))
      System.Globalization.Calendars (>= 4.3) - restriction: || (&& (>= dnxcore50) (>= net45)) (&& (>= dnxcore50) (>= netstandard2.0)) (&& (< monoandroid) (< net46) (>= netstandard2.0) (< xamarinios)) (&& (>= net45) (< net46) (>= netstandard1.6))
      System.IO (>= 4.3) - restriction: || (&& (>= dnxcore50) (>= net45)) (&& (>= dnxcore50) (>= netstandard2.0)) (&& (< monoandroid) (< net46) (>= netstandard2.0) (< xamarinios)) (&& (>= net45) (< net46) (>= netstandard1.6))
      System.IO.FileSystem (>= 4.3) - restriction: || (&& (>= dnxcore50) (>= net45)) (&& (>= dnxcore50) (>= netstandard2.0)) (&& (< monoandroid) (< net46) (>= netstandard2.0) (< xamarinios)) (&& (>= net45) (< net46) (>= netstandard1.6))
      System.IO.FileSystem.Primitives (>= 4.3) - restriction: || (&& (< monoandroid) (< net46) (>= netstandard2.0) (< xamarinios)) (&& (>= net45) (< net46) (>= netstandard1.6))
      System.Resources.ResourceManager (>= 4.3) - restriction: || (&& (>= dnxcore50) (>= net45)) (&& (>= dnxcore50) (>= netstandard2.0)) (&& (< monoandroid) (< net46) (>= netstandard2.0) (< xamarinios)) (&& (>= net45) (< net46) (>= netstandard1.6))
      System.Runtime (>= 4.3) - restriction: || (&& (>= dnxcore50) (>= net45)) (&& (>= dnxcore50) (>= netstandard2.0)) (&& (< monoandroid) (< net46) (< netstandard1.4) (>= netstandard2.0)) (&& (< monoandroid) (< net46) (< netstandard1.6) (>= netstandard2.0)) (&& (< monoandroid) (< net46) (>= netstandard2.0) (< xamarinios)) (&& (>= net45) (< net46) (>= netstandard1.3) (< netstandard1.4)) (&& (>= net45) (< net46) (>= netstandard1.4) (< netstandard1.6)) (&& (>= net45) (< net46) (>= netstandard1.6))
      System.Runtime.Extensions (>= 4.3) - restriction: || (&& (>= dnxcore50) (>= net45)) (&& (>= dnxcore50) (>= netstandard2.0)) (&& (< monoandroid) (< net46) (>= netstandard2.0) (< xamarinios)) (&& (>= net45) (< net46) (>= netstandard1.6))
      System.Runtime.Handles (>= 4.3) - restriction: || (&& (>= dnxcore50) (>= net45)) (&& (>= dnxcore50) (>= netstandard2.0)) (&& (< monoandroid) (< net46) (< netstandard1.4) (>= netstandard2.0)) (&& (< monoandroid) (< net46) (< netstandard1.6) (>= netstandard2.0)) (&& (< monoandroid) (< net46) (>= netstandard2.0) (< xamarinios)) (&& (>= net45) (< net46) (>= netstandard1.3) (< netstandard1.4)) (&& (>= net45) (< net46) (>= netstandard1.4) (< netstandard1.6)) (&& (>= net45) (< net46) (>= netstandard1.6))
      System.Runtime.InteropServices (>= 4.3) - restriction: || (&& (>= dnxcore50) (>= net45)) (&& (>= dnxcore50) (>= netstandard2.0)) (&& (< monoandroid) (< net46) (>= netstandard2.0) (< xamarinios)) (&& (>= net45) (< net46) (>= netstandard1.6))
      System.Runtime.Numerics (>= 4.3) - restriction: || (&& (>= dnxcore50) (>= net45)) (&& (>= dnxcore50) (>= netstandard2.0)) (&& (< monoandroid) (< net46) (>= netstandard2.0) (< xamarinios)) (&& (>= net45) (< net46) (>= netstandard1.6))
      System.Security.Cryptography.Algorithms (>= 4.3) - restriction: || (&& (>= dnxcore50) (>= net45)) (&& (>= dnxcore50) (>= netstandard2.0)) (&& (< monoandroid) (< net46) (< netstandard1.4) (>= netstandard2.0)) (&& (< monoandroid) (< net46) (< netstandard1.6) (>= netstandard2.0)) (&& (< monoandroid) (< net46) (>= netstandard2.0) (< xamarinios)) (&& (>= net45) (< net46) (>= netstandard1.3) (< netstandard1.4)) (&& (>= net45) (< net46) (>= netstandard1.4) (< netstandard1.6)) (&& (>= net45) (< net46) (>= netstandard1.6)) (&& (>= net46) (< netstandard1.4)) (>= net461)
      System.Security.Cryptography.Cng (>= 4.3) - restriction: || (&& (>= dnxcore50) (>= net45)) (&& (>= dnxcore50) (>= netstandard2.0)) (&& (< monoandroid) (< net46) (>= netstandard2.0) (< xamarinios)) (&& (>= net45) (< net46) (>= netstandard1.6))
      System.Security.Cryptography.Csp (>= 4.3) - restriction: || (&& (< monoandroid) (< net46) (>= netstandard2.0) (< xamarinios)) (&& (>= net45) (< net46) (>= netstandard1.6))
      System.Security.Cryptography.Encoding (>= 4.3) - restriction: || (&& (>= dnxcore50) (>= net45)) (&& (>= dnxcore50) (>= netstandard2.0)) (&& (< monoandroid) (< net46) (< netstandard1.4) (>= netstandard2.0)) (&& (< monoandroid) (< net46) (< netstandard1.6) (>= netstandard2.0)) (&& (< monoandroid) (< net46) (>= netstandard2.0) (< xamarinios)) (&& (>= net45) (< net46) (>= netstandard1.3) (< netstandard1.4)) (&& (>= net45) (< net46) (>= netstandard1.4) (< netstandard1.6)) (&& (>= net45) (< net46) (>= netstandard1.6)) (&& (>= net46) (< netstandard1.4)) (>= net461)
      System.Security.Cryptography.OpenSsl (>= 4.3) - restriction: || (&& (< monoandroid) (< net46) (>= netstandard2.0) (< xamarinios)) (&& (>= net45) (< net46) (>= netstandard1.6))
      System.Security.Cryptography.Primitives (>= 4.3) - restriction: || (&& (>= dnxcore50) (>= net45)) (&& (>= dnxcore50) (>= netstandard2.0)) (&& (< monoandroid) (< net46) (>= netstandard2.0) (< xamarinios)) (&& (>= net45) (< net46) (>= netstandard1.6))
      System.Text.Encoding (>= 4.3) - restriction: || (&& (>= dnxcore50) (>= net45)) (&& (>= dnxcore50) (>= netstandard2.0)) (&& (< monoandroid) (< net46) (>= netstandard2.0) (< xamarinios)) (&& (>= net45) (< net46) (>= netstandard1.6))
      System.Threading (>= 4.3) - restriction: || (&& (>= dnxcore50) (>= net45)) (&& (>= dnxcore50) (>= netstandard2.0)) (&& (< monoandroid) (< net46) (>= netstandard2.0) (< xamarinios)) (&& (>= net45) (< net46) (>= netstandard1.6))
    System.Security.Permissions (4.5) - restriction: || (&& (>= monoandroid) (>= net45)) (&& (>= monotouch) (>= net45)) (&& (>= net45) (>= xamarinmac)) (&& (>= net45) (>= xamarintvos)) (&& (>= net45) (>= xamarinwatchos)) (>= net461) (>= netstandard2.0)
      System.Security.AccessControl (>= 4.5) - restriction: || (>= net461) (>= netstandard2.0)
    System.Security.Principal.Windows (4.5) - restriction: || (&& (< net46) (>= netstandard2.0)) (>= net461) (>= netcoreapp2.0)
      Microsoft.NETCore.Platforms (>= 2.0) - restriction: >= netcoreapp2.0
    System.Text.Encoding (4.3) - restriction: || (&& (>= dnxcore50) (>= net45) (>= netstandard1.6)) (&& (>= dnxcore50) (>= netstandard2.0)) (&& (< monoandroid) (< net45) (>= netstandard2.0) (< win8) (< wpa81) (< xamarinios)) (&& (< monoandroid) (< net46) (>= netstandard2.0) (< xamarinios)) (&& (>= net45) (< net46) (>= netstandard1.6)) (&& (>= net45) (< net46) (>= netstandard2.0)) (&& (>= net45) (>= netstandard1.6) (< portable-net45+win8+wpa81)) (&& (>= net45) (>= netstandard1.6) (>= uap10.0)) (&& (< net45) (< netstandard1.2) (>= netstandard2.0) (< win8)) (&& (< net45) (< netstandard1.3) (>= netstandard2.0) (< win8) (< wpa81)) (&& (< net45) (< netstandard1.4) (>= netstandard2.0) (< win8) (< wpa81)) (&& (< net45) (< netstandard1.5) (>= netstandard2.0) (< win8) (< wpa81)) (&& (< net45) (< netstandard1.6) (>= netstandard2.0) (< win8) (< wpa81)) (&& (>= netstandard2.0) (< portable-net45+win8+wpa81)) (&& (>= netstandard2.0) (>= uap10.0))
    System.Text.Encoding.Extensions (4.3) - restriction: || (&& (>= net45) (>= netstandard1.6) (< portable-net45+win8+wpa81)) (&& (>= net45) (>= netstandard1.6) (>= uap10.0)) (&& (< net45) (< netstandard1.2) (>= netstandard2.0) (< win8)) (&& (< net45) (< netstandard1.3) (>= netstandard2.0) (< win8) (< wpa81)) (&& (< net45) (< netstandard1.4) (>= netstandard2.0) (< win8) (< wpa81)) (&& (< net45) (< netstandard1.5) (>= netstandard2.0) (< win8) (< wpa81)) (&& (< net45) (< netstandard1.6) (>= netstandard2.0) (< win8) (< wpa81)) (&& (>= netstandard2.0) (< portable-net45+win8+wpa81)) (&& (>= netstandard2.0) (>= uap10.0))
    System.Text.RegularExpressions (4.3) - restriction: || (&& (>= net45) (>= netstandard1.6)) (>= netstandard2.0)
      System.Collections (>= 4.3) - restriction: || (&& (>= dnxcore50) (>= net45)) (&& (>= dnxcore50) (>= netstandard2.0)) (&& (< monoandroid) (< net45) (< netcoreapp1.1) (>= netstandard2.0) (< win8) (< wpa81) (< xamarinios))
      System.Globalization (>= 4.3) - restriction: || (&& (>= dnxcore50) (>= net45)) (&& (>= dnxcore50) (>= netstandard2.0)) (&& (< monoandroid) (< net45) (< netcoreapp1.1) (>= netstandard2.0) (< win8) (< wpa81) (< xamarinios))
      System.Resources.ResourceManager (>= 4.3) - restriction: || (&& (>= dnxcore50) (>= net45)) (&& (>= dnxcore50) (>= netstandard2.0)) (&& (< monoandroid) (< net45) (< netcoreapp1.1) (>= netstandard2.0) (< win8) (< wpa81) (< xamarinios))
      System.Runtime (>= 4.3) - restriction: || (&& (>= dnxcore50) (>= net45)) (&& (>= dnxcore50) (>= netstandard2.0)) (&& (< monoandroid) (< net45) (< netstandard1.3) (>= netstandard2.0) (< win8) (< wpa81)) (&& (< monoandroid) (< net45) (< netstandard1.6) (>= netstandard2.0) (< win8) (< wpa81)) (&& (< monoandroid) (< net45) (>= netstandard2.0) (< win8) (< wpa81) (< xamarinios)) (&& (>= net45) (>= netcoreapp1.1)) (&& (>= netcoreapp1.1) (>= netstandard2.0))
      System.Runtime.Extensions (>= 4.3) - restriction: || (&& (>= dnxcore50) (>= net45)) (&& (>= dnxcore50) (>= netstandard2.0)) (&& (< monoandroid) (< net45) (< netcoreapp1.1) (>= netstandard2.0) (< win8) (< wpa81) (< xamarinios))
      System.Threading (>= 4.3) - restriction: || (&& (>= dnxcore50) (>= net45)) (&& (>= dnxcore50) (>= netstandard2.0)) (&& (< monoandroid) (< net45) (< netcoreapp1.1) (>= netstandard2.0) (< win8) (< wpa81) (< xamarinios))
    System.Threading (4.3) - restriction: || (&& (>= net45) (>= netstandard1.6)) (>= netstandard2.0)
      System.Runtime (>= 4.3) - restriction: || (&& (>= dnxcore50) (>= net45)) (&& (>= dnxcore50) (>= netstandard2.0)) (&& (< monoandroid) (< net45) (< netstandard1.3) (>= netstandard2.0) (< win8) (< wpa81)) (&& (< monoandroid) (< net45) (>= netstandard2.0) (< win8) (< wpa81) (< xamarinios))
      System.Threading.Tasks (>= 4.3) - restriction: || (&& (>= dnxcore50) (>= net45)) (&& (>= dnxcore50) (>= netstandard2.0)) (&& (< monoandroid) (< net45) (< netstandard1.3) (>= netstandard2.0) (< win8) (< wpa81)) (&& (< monoandroid) (< net45) (>= netstandard2.0) (< win8) (< wpa81) (< xamarinios))
    System.Threading.Tasks (4.3) - restriction: || (&& (>= net45) (>= netstandard1.6)) (&& (< net45) (>= net451)) (>= netstandard2.0)
      Microsoft.NETCore.Platforms (>= 1.1) - restriction: || (&& (>= dnxcore50) (>= net45)) (&& (>= dnxcore50) (>= netstandard2.0)) (&& (< monoandroid) (< net45) (< netstandard1.3) (>= netstandard2.0) (< win8) (< wpa81)) (&& (< monoandroid) (< net45) (>= netstandard2.0) (< win8) (< wpa81) (< xamarinios))
      Microsoft.NETCore.Targets (>= 1.1) - restriction: || (&& (>= dnxcore50) (>= net45)) (&& (>= dnxcore50) (>= netstandard2.0)) (&& (< monoandroid) (< net45) (< netstandard1.3) (>= netstandard2.0) (< win8) (< wpa81)) (&& (< monoandroid) (< net45) (>= netstandard2.0) (< win8) (< wpa81) (< xamarinios))
      System.Runtime (>= 4.3) - restriction: || (&& (>= dnxcore50) (>= net45)) (&& (>= dnxcore50) (>= netstandard2.0)) (&& (< monoandroid) (< net45) (< netstandard1.3) (>= netstandard2.0) (< win8) (< wpa81)) (&& (< monoandroid) (< net45) (>= netstandard2.0) (< win8) (< wpa81) (< xamarinios))
    System.Threading.Tasks.Extensions (4.3)
      System.Collections (>= 4.3) - restriction: && (< monoandroid) (< net45) (>= netstandard2.0) (< win8) (< wpa81) (< xamarinios)
      System.Runtime (>= 4.3) - restriction: && (< monoandroid) (< net45) (>= netstandard2.0) (< win8) (< wpa81) (< xamarinios)
      System.Threading.Tasks (>= 4.3) - restriction: && (< monoandroid) (< net45) (>= netstandard2.0) (< win8) (< wpa81) (< xamarinios)
    System.Threading.Tasks.Parallel (4.0.1) - restriction: || (&& (>= net45) (>= netstandard1.6)) (>= netstandard2.0)
      System.Collections.Concurrent (>= 4.0.12) - restriction: || (&& (>= dnxcore50) (>= net45)) (&& (>= dnxcore50) (>= netstandard2.0)) (&& (< monoandroid) (< net45) (< netstandard1.3) (>= netstandard2.0) (< win8) (< wpa81)) (&& (< monoandroid) (< net45) (>= netstandard2.0) (< win8) (< wpa81) (< xamarinios))
      System.Diagnostics.Debug (>= 4.0.11) - restriction: || (&& (>= dnxcore50) (>= net45)) (&& (>= dnxcore50) (>= netstandard2.0)) (&& (< monoandroid) (< net45) (>= netstandard2.0) (< win8) (< wpa81) (< xamarinios))
      System.Diagnostics.Tracing (>= 4.1) - restriction: || (&& (>= dnxcore50) (>= net45)) (&& (>= dnxcore50) (>= netstandard2.0)) (&& (< monoandroid) (< net45) (>= netstandard2.0) (< win8) (< wpa81) (< xamarinios))
      System.Resources.ResourceManager (>= 4.0.1) - restriction: || (&& (>= dnxcore50) (>= net45)) (&& (>= dnxcore50) (>= netstandard2.0)) (&& (< monoandroid) (< net45) (>= netstandard2.0) (< win8) (< wpa81) (< xamarinios))
      System.Runtime (>= 4.1) - restriction: || (&& (>= dnxcore50) (>= net45)) (&& (>= dnxcore50) (>= netstandard2.0)) (&& (< monoandroid) (< net45) (< netstandard1.3) (>= netstandard2.0) (< win8) (< wpa81)) (&& (< monoandroid) (< net45) (>= netstandard2.0) (< win8) (< wpa81) (< xamarinios))
      System.Runtime.Extensions (>= 4.1) - restriction: || (&& (>= dnxcore50) (>= net45)) (&& (>= dnxcore50) (>= netstandard2.0)) (&& (< monoandroid) (< net45) (>= netstandard2.0) (< win8) (< wpa81) (< xamarinios))
      System.Threading (>= 4.0.11) - restriction: || (&& (>= dnxcore50) (>= net45)) (&& (>= dnxcore50) (>= netstandard2.0)) (&& (< monoandroid) (< net45) (>= netstandard2.0) (< win8) (< wpa81) (< xamarinios))
      System.Threading.Tasks (>= 4.0.11) - restriction: || (&& (>= dnxcore50) (>= net45)) (&& (>= dnxcore50) (>= netstandard2.0)) (&& (< monoandroid) (< net45) (< netstandard1.3) (>= netstandard2.0) (< win8) (< wpa81)) (&& (< monoandroid) (< net45) (>= netstandard2.0) (< win8) (< wpa81) (< xamarinios))
    System.Threading.Thread (4.0) - restriction: || (&& (>= net45) (>= netstandard1.6)) (>= netstandard2.0)
      System.Runtime (>= 4.1) - restriction: || (&& (< monoandroid) (< net46) (>= netstandard2.0) (< xamarinios)) (&& (>= net45) (< net46) (>= netstandard1.3))
    System.Threading.ThreadPool (4.0.10) - restriction: || (&& (>= net45) (>= netstandard1.6)) (>= netstandard2.0)
      System.Runtime (>= 4.1) - restriction: || (&& (< monoandroid) (< net46) (>= netstandard2.0) (< xamarinios)) (&& (>= net45) (< net46) (>= netstandard1.3))
      System.Runtime.Handles (>= 4.0.1) - restriction: || (&& (< monoandroid) (< net46) (>= netstandard2.0) (< xamarinios)) (&& (>= net45) (< net46) (>= netstandard1.3))
    System.Threading.Timer (4.3) - restriction: || (&& (>= net45) (>= netstandard1.6)) (>= netstandard2.0)
      Microsoft.NETCore.Platforms (>= 1.1) - restriction: || (&& (>= dnxcore50) (>= net45)) (&& (>= dnxcore50) (>= netstandard2.0)) (&& (< monoandroid) (< net451) (>= netstandard2.0) (< win81) (< wpa81) (< xamarinios)) (&& (>= net45) (< net451) (>= netstandard1.2))
      Microsoft.NETCore.Targets (>= 1.1) - restriction: || (&& (>= dnxcore50) (>= net45)) (&& (>= dnxcore50) (>= netstandard2.0)) (&& (< monoandroid) (< net451) (>= netstandard2.0) (< win81) (< wpa81) (< xamarinios)) (&& (>= net45) (< net451) (>= netstandard1.2))
      System.Runtime (>= 4.3) - restriction: || (&& (>= dnxcore50) (>= net45)) (&& (>= dnxcore50) (>= netstandard2.0)) (&& (< monoandroid) (< net451) (>= netstandard2.0) (< win81) (< wpa81) (< xamarinios)) (&& (>= net45) (< net451) (>= netstandard1.2))
    System.Xml.ReaderWriter (4.3.1) - restriction: || (&& (>= net45) (>= netstandard1.6) (< portable-net45+win8+wpa81)) (&& (>= net45) (>= netstandard1.6) (>= uap10.0)) (&& (< net45) (< netstandard1.2) (>= netstandard2.0) (< win8)) (&& (< net45) (< netstandard1.3) (>= netstandard2.0) (< win8) (< wpa81)) (&& (< net45) (< netstandard1.4) (>= netstandard2.0) (< win8) (< wpa81)) (&& (< net45) (< netstandard1.5) (>= netstandard2.0) (< win8) (< wpa81)) (&& (< net45) (< netstandard1.6) (>= netstandard2.0) (< win8) (< wpa81)) (&& (>= net46) (< netstandard1.4) (>= netstandard1.6)) (&& (>= net46) (< netstandard1.4) (>= netstandard2.0)) (&& (>= netstandard2.0) (< portable-net45+win8+wpa81)) (&& (>= netstandard2.0) (>= uap10.0))
    System.Xml.XDocument (4.3) - restriction: || (&& (>= net45) (>= netstandard1.6) (< portable-net45+win8+wpa81)) (&& (>= net45) (>= netstandard1.6) (>= uap10.0)) (&& (< net45) (< netstandard1.2) (>= netstandard2.0) (< win8)) (&& (< net45) (< netstandard1.3) (>= netstandard2.0) (< win8) (< wpa81)) (&& (< net45) (< netstandard1.4) (>= netstandard2.0) (< win8) (< wpa81)) (&& (< net45) (< netstandard1.5) (>= netstandard2.0) (< win8) (< wpa81)) (&& (< net45) (< netstandard1.6) (>= netstandard2.0) (< win8) (< wpa81)) (&& (>= netstandard2.0) (< portable-net45+win8+wpa81)) (&& (>= netstandard2.0) (>= uap10.0))
